GIT
  remote: git://github.com/26am/country_select.git
  revision: 73a88d3b8905d49d88abdcaeae7a86d7405e1f08
  specs:
    country_select (1.0.1)

GIT
  remote: git://github.com/jnicklas/carrierwave.git
  revision: 82075f0817b0d958620e68b79b4de1d4219349ae
  specs:
    carrierwave (0.7.1)
      activemodel (>= 3.2.0)
      activesupport (>= 3.2.0)

GIT
  remote: git://github.com/twinge/siebel_donations.git
  revision: c388c486f5e788d7077ae27aef4bb41b6a3810b3
  specs:
    siebel_donations (1.0.3)
      activesupport
      oj (~> 2.0.0)
      rest-client (~> 1.6.7)
      retryable-rb (~> 1.1.0)

GIT
  remote: git://github.com/twinge/versionist.git
  revision: 1c546e743871c0e8aba7262b3a2a25f4e90c7173
  branch: multiple_versioning_strategies
  specs:
    versionist (0.3.1)
      rails (~> 3.0)
      yard (~> 0.7)

GEM
  remote: http://rubygems.org/
  specs:
    actionmailer (3.2.9)
      actionpack (= 3.2.9)
      mail (~> 2.4.4)
    actionpack (3.2.9)
      activemodel (= 3.2.9)
      activesupport (= 3.2.9)
      builder (~> 3.0.0)
      erubis (~> 2.7.0)
      journey (~> 1.0.4)
      rack (~> 1.4.0)
      rack-cache (~> 1.2)
      rack-test (~> 0.6.1)
      sprockets (~> 2.2.1)
    active_model_serializers (0.6.0)
      activemodel (>= 3.0)
    activemodel (3.2.9)
      activesupport (= 3.2.9)
      builder (~> 3.0.0)
    activerecord (3.2.9)
      activemodel (= 3.2.9)
      activesupport (= 3.2.9)
      arel (~> 3.0.2)
      tzinfo (~> 0.3.29)
    activeresource (3.2.9)
      activemodel (= 3.2.9)
      activesupport (= 3.2.9)
    activesupport (3.2.9)
      i18n (~> 0.6)
      multi_json (~> 1.0)
    acts-as-taggable-on (2.3.3)
      rails (~> 3.0)
    addressable (2.3.2)
    airbrake (3.1.6)
      builder
      girl_friday
    airbrake_user_attributes (0.1.6)
      airbrake (~> 3.1.0)
    arel (3.0.2)
    assignable_values (0.5.3)
      activerecord
    attr_required (0.0.5)
    awesome_print (1.1.0)
    backports (2.6.5)
    bcrypt-ruby (3.0.1)
    builder (3.0.4)
    cache_digests (0.2.0)
      actionpack (>= 3.2)
    capybara (2.0.2)
      mime-types (>= 1.16)
      nokogiri (>= 1.3.3)
      rack (>= 1.0.0)
      rack-test (>= 0.5.4)
      selenium-webdriver (~> 2.0)
      xpath (~> 1.0.0)
    charlock_holmes (0.6.9)
    childprocess (0.3.6)
      ffi (~> 1.0, >= 1.0.6)
    chronic (0.9.0)
    coderay (1.0.8)
    coffee-rails (3.2.2)
      coffee-script (>= 2.2.0)
      railties (~> 3.2.0)
    coffee-script (2.2.0)
      coffee-script-source
      execjs
    coffee-script-source (1.4.0)
    connection_pool (0.9.3)
    crack (0.3.1)
    daemons (1.1.9)
    dalli (2.6.0)
    database_cleaner (0.9.1)
    deadlock_retry (1.2.0)
    descendants_tracker (0.0.1)
    devise (2.1.2)
      bcrypt-ruby (~> 3.0)
      orm_adapter (~> 0.1)
      railties (~> 3.1)
      warden (~> 1.2.1)
    diff-lcs (1.1.3)
    display_case (0.0.5)
    erubis (2.7.0)
    ethon (0.5.7)
      ffi (~> 1.2.0)
      mime-types (~> 1.18)
    eventmachine (1.0.0)
    excon (0.16.10)
    execjs (1.4.0)
      multi_json (~> 1.0)
    factory_girl (4.1.0)
      activesupport (>= 3.0.0)
    factory_girl_rails (4.1.0)
      factory_girl (~> 4.1.0)
      railties (>= 3.0.0)
    faraday (0.8.4)
      multipart-post (~> 1.1)
    fast_gettext (0.7.0)
    fb_graph (2.6.0)
      httpclient (>= 2.2.0.2)
      multi_json
      rack-oauth2 (>= 0.14.4)
      tzinfo
    ffi (1.2.0)
    fog (1.6.0)
      builder
      excon (~> 0.14)
      formatador (~> 0.2.0)
      mime-types
      multi_json (~> 1.0)
      net-scp (~> 1.0.4)
      net-ssh (>= 2.1.3)
      nokogiri (~> 1.5.0)
      ruby-hmac
    formatador (0.2.4)
    fuubar (1.1.0)
      rspec (~> 2.0)
      rspec-instafail (~> 0.2.0)
      ruby-progressbar (~> 1.0.0)
    gettext (2.3.6)
      levenshtein
      locale
    gettext_i18n_rails (0.8.0)
      fast_gettext (>= 0.4.8)
    gettext_i18n_rails_js (0.0.3)
      gettext (>= 2.3.0)
      gettext_i18n_rails (>= 0.7.1)
      po_to_json
      rails (~> 3.2.0)
    gibberish (1.2.0)
    gibbon (0.4.2)
      httparty
      json
    girl_friday (0.11.1)
      connection_pool (~> 0.9.0)
      rubinius-actor
    growl (1.0.3)
    guard (1.6.1)
      listen (>= 0.6.0)
      lumberjack (>= 1.0.2)
      pry (>= 0.9.10)
      thor (>= 0.14.6)
    guard-rspec (2.3.3)
      guard (>= 1.1)
      rspec (~> 2.11)
    guard-spork (1.4.0)
      childprocess (>= 0.2.3)
      guard (>= 1.1)
      spork (>= 0.8.4)
    haml (3.1.7)
    hashie (1.2.0)
    hike (1.2.1)
    httparty (0.9.0)
      multi_json (~> 1.0)
      multi_xml
    httpauth (0.2.0)
    httpclient (2.3.1)
    i18n (0.6.1)
    iniparse (1.1.6)
    journey (1.0.4)
    jquery-rails (2.1.4)
      railties (>= 3.0, < 5.0)
      thor (>= 0.14, < 2.0)
    jquery-ui-rails (3.0.0)
      jquery-rails
      railties (>= 3.1.0)
    json (1.7.6)
    jwt (0.1.5)
      multi_json (>= 1.0)
    kgio (2.7.4)
    koala (1.6.0)
      addressable (~> 2.2)
      faraday (~> 0.8)
      multi_json (~> 1.3)
    levenshtein (0.2.2)
    libwebsocket (0.1.7.1)
      addressable
      websocket
    linkedin (0.3.7)
      hashie (~> 1.2)
      multi_json (~> 1.0)
      oauth (~> 0.4)
    listen (0.7.0)
    locale (2.0.8)
    lumberjack (1.0.2)
    mail (2.4.4)
      i18n (>= 0.4.0)
      mime-types (~> 1.16)
      treetop (~> 1.4.8)
    mailcatcher (0.5.10)
      activesupport (~> 3.0)
      eventmachine (~> 1.0.0)
      haml (~> 3.1)
      mail (~> 2.3)
      sinatra (~> 1.2)
      skinny (~> 0.2.3)
      sqlite3 (~> 1.3)
      thin (~> 1.5.0)
    method_source (0.8.1)
    mime-types (1.19)
    multi_json (1.5.0)
    multi_xml (0.5.1)
    multipart-post (1.1.5)
    net-scp (1.0.4)
      net-ssh (>= 1.99.1)
    net-ssh (2.6.2)
    newrelic_rpm (3.5.4.34)
    nokogiri (1.5.6)
    oauth (0.4.7)
    oauth2 (0.8.0)
      faraday (~> 0.8)
      httpauth (~> 0.1)
      jwt (~> 0.1.4)
      multi_json (~> 1.0)
      rack (~> 1.2)
    oj (2.0.0)
    omniauth (1.1.1)
      hashie (~> 1.2)
      rack
    omniauth-cas (1.0.1)
      addressable (~> 2.3)
      nokogiri (~> 1.5)
      omniauth (~> 1.1.0)
    omniauth-facebook (1.4.1)
      omniauth-oauth2 (~> 1.1.0)
    omniauth-google-oauth2 (0.1.13)
      omniauth (~> 1.0)
      omniauth-oauth2
    omniauth-linkedin (0.0.8)
      omniauth-oauth (~> 1.0)
    omniauth-oauth (1.0.1)
      oauth
      omniauth (~> 1.0)
    omniauth-oauth2 (1.1.1)
      oauth2 (~> 0.8.0)
      omniauth (~> 1.0)
    omniauth-twitter (0.0.14)
      multi_json (~> 1.3)
      omniauth-oauth (~> 1.0)
    orm_adapter (0.4.0)
    pg (0.14.1)
    po_to_json (0.0.4)
      json (>= 1.7.0)
    polyglot (0.3.3)
    pry (0.9.10)
      coderay (~> 1.0.5)
      method_source (~> 0.8)
      slop (~> 3.3.1)
    quiet_assets (1.0.1)
      railties (~> 3.1)
    rack (1.4.1)
    rack-cache (1.2)
      rack (>= 0.4)
    rack-oauth2 (1.0.0)
      activesupport (>= 2.3)
      attr_required (>= 0.0.5)
      httpclient (>= 2.2.0.2)
      i18n
      multi_json (>= 1.3.6)
      rack (>= 1.1)
    rack-protection (1.3.2)
      rack
    rack-ssl (1.3.2)
      rack
    rack-test (0.6.2)
      rack (>= 1.0)
    railroady (1.1.0)
    rails (3.2.9)
      actionmailer (= 3.2.9)
      actionpack (= 3.2.9)
      activerecord (= 3.2.9)
      activeresource (= 3.2.9)
      activesupport (= 3.2.9)
      bundler (~> 1.0)
      railties (= 3.2.9)
    rails-footnotes (3.7.9)
      rails (>= 3.0.0)
    rails_autolink (1.0.9)
      rails (~> 3.1)
    railties (3.2.9)
      actionpack (= 3.2.9)
      activesupport (= 3.2.9)
      rack-ssl (~> 1.3.2)
      rake (>= 0.8.7)
      rdoc (~> 3.4)
      thor (>= 0.14.6, < 2.0)
    raindrops (0.10.0)
    rake (10.0.3)
    rb-fsevent (0.9.3)
    rdoc (3.12)
      json (~> 1.4)
    redis (3.0.2)
    redis-namespace (1.2.1)
      redis (~> 3.0.0)
    redis-objects (0.6.1)
      redis (>= 3.0.2)
    resque (1.23.0)
      multi_json (~> 1.0)
      redis-namespace (~> 1.0)
      sinatra (>= 0.9.2)
      vegas (~> 0.1.2)
    resque-ensure-connected (0.2.0)
      activerecord (>= 2.3.5)
      resque (>= 1.10.0)
    resque-lock (1.1.0)
    resque_spec (0.12.7)
      resque (>= 1.19.0)
      rspec (>= 2.5.0)
    rest-client (1.6.7)
      mime-types (>= 1.16)
    retryable-rb (1.1.0)
    rspec (2.12.0)
      rspec-core (~> 2.12.0)
      rspec-expectations (~> 2.12.0)
      rspec-mocks (~> 2.12.0)
    rspec-core (2.12.2)
    rspec-expectations (2.12.1)
      diff-lcs (~> 1.1.3)
    rspec-instafail (0.2.4)
    rspec-mocks (2.12.1)
    rspec-rails (2.12.0)
      actionpack (>= 3.0)
      activesupport (>= 3.0)
      railties (>= 3.0)
      rspec-core (~> 2.12.0)
      rspec-expectations (~> 2.12.0)
      rspec-mocks (~> 2.12.0)
    rubinius-actor (0.0.2)
      rubinius-core-api
    rubinius-core-api (0.0.1)
    ruby-hmac (0.4.0)
    ruby-progressbar (1.0.2)
    rubyzip (0.9.9)
    sass (3.2.4)
    sass-rails (3.2.5)
      railties (~> 3.2.0)
      sass (>= 3.1.10)
      tilt (~> 1.3)
    selenium-webdriver (2.27.2)
      childprocess (>= 0.2.5)
      libwebsocket (~> 0.1.3)
      multi_json (~> 1.0)
      rubyzip
    simplecov (0.7.1)
      multi_json (~> 1.0)
      simplecov-html (~> 0.7.1)
    simplecov-html (0.7.1)
    sinatra (1.3.3)
      rack (~> 1.3, >= 1.3.6)
      rack-protection (~> 1.2)
      tilt (~> 1.3, >= 1.3.3)
    skinny (0.2.3)
      eventmachine (~> 1.0.0)
      thin (~> 1.5.0)
    slop (3.3.3)
    spork (1.0.0rc3)
    spork-rails (3.2.1)
      rails (>= 3.0.0, < 3.3.0)
      spork (>= 1.0rc0)
    sprockets (2.2.2)
      hike (~> 1.2)
      multi_json (~> 1.0)
      rack (~> 1.0)
      tilt (~> 1.1, != 1.3.0)
    sqlite3 (1.3.6)
    therubyrhino (2.0.2)
      therubyrhino_jar (>= 1.7.3)
    therubyrhino_jar (1.7.4)
    thin (1.5.0)
      daemons (>= 1.0.9)
      eventmachine (>= 0.12.6)
      rack (>= 1.0.0)
    thor (0.16.0)
    tilt (1.3.3)
    treetop (1.4.12)
      polyglot
      polyglot (>= 0.3.1)
    twitter_cldr (2.0.2)
      json (>= 1.1.9)
    typhoeus (0.5.3)
      ethon (~> 0.5.3)
    tzinfo (0.3.35)
    uglifier (1.3.0)
      execjs (>= 0.3.0)
      multi_json (~> 1.0, >= 1.0.2)
    unicorn (4.5.0)
      kgio (~> 2.6)
      rack
      raindrops (~> 0.7)
    vegas (0.1.11)
      rack (>= 1.0.0)
    virtus (0.5.4)
      backports (~> 2.6.1)
      descendants_tracker (~> 0.0.1)
    warden (1.2.1)
      rack (>= 1.0)
    webmock (1.9.0)
      addressable (>= 2.2.7)
      crack (>= 0.1.7)
    websocket (1.0.6)
    whenever (0.8.1)
      activesupport (>= 2.3.4)
      chronic (>= 0.6.3)
    wicked (0.3.4)
      activesupport (>= 3.0.7)
      rails (>= 3.0.7)
    will_paginate (3.0.3)
    xpath (1.0.0)
      nokogiri (~> 1.3)
    yard (0.8.3)

PLATFORMS
  ruby

DEPENDENCIES
  active_model_serializers (~> 0.6.0)
  acts-as-taggable-on (~> 2.3.3)
  airbrake (~> 3.1.6)
  airbrake_user_attributes (~> 0.1.6)
  assignable_values (~> 0.5.3)
  awesome_print
  cache_digests
  capybara
  carrierwave!
  charlock_holmes (~> 0.6.9)
  coffee-rails (~> 3.2.1)
  country_select!
  dalli
  database_cleaner
  deadlock_retry (~> 1.2.0)
  devise (~> 2.1.0)
  display_case (~> 0.0.5)
  execjs (~> 1.4.0)
  factory_girl_rails
  fb_graph (~> 2.6.0)
  fog (~> 1.6.0)
  fuubar
  gettext (~> 2.3.2)
  gettext_i18n_rails (~> 0.8.0)
  gettext_i18n_rails_js (~> 0.0.3)
  gibberish (~> 1.2.0)
  gibbon (~> 0.4.2)
  growl
  guard-rspec
  guard-spork
  iniparse (~> 1.1.6)
  jquery-rails (~> 2.1.4)
  jquery-ui-rails (~> 3.0.0)
  koala (~> 1.6.0)
  linkedin (~> 0.3.7)
  mailcatcher
  newrelic_rpm (~> 3.5.4)
  omniauth-cas (~> 1.0.0)
  omniauth-facebook (~> 1.4.1)
  omniauth-google-oauth2 (~> 0.1.13)
  omniauth-linkedin (~> 0.0.8)
  omniauth-twitter (~> 0.0.14)
  pg (~> 0.14.1)
  quiet_assets
  railroady
  rails (~> 3.2.3)
  rails-footnotes
  rails_autolink (~> 1.0.9)
  rake
  rb-fsevent
  redis-objects (~> 0.6.1)
  resque (~> 1.23.0)
  resque-ensure-connected (~> 0.2.0)
  resque-lock (~> 1.1.0)
  resque_spec
  rest-client (~> 1.6.7)
  retryable-rb (~> 1.1.0)
  rspec-rails
  sass-rails (~> 3.2.3)
  siebel_donations!
  simplecov
  spork-rails (~> 3.2.0)
  therubyrhino (~> 2.0.2)
  twitter_cldr (~> 2.0.0)
  typhoeus (~> 0.5.3)
  uglifier (~> 1.3.0)
  unicorn
  versionist!
  virtus (~> 0.5.4)
  webmock (~> 1.9.0)
  whenever (~> 0.8.1)
  wicked (~> 0.3.4)
  will_paginate (~> 3.0.3)
