GIT
  remote: https://github.com/CruGlobal/country_select.git
  revision: 1ac18d07568b2a94b45818ae107bc3f08965301b
  specs:
    country_select (1.2.0)
      countries (= 0.9.3)

GIT
  remote: https://github.com/CruGlobal/google_contacts_api
  revision: cd99ffa57c4f0ee1f58defc011da31df632cf10f
  specs:
    google_contacts_api (0.5.0)
      activesupport
      hashie
      i18n
      json

GIT
  remote: https://github.com/CruGlobal/oauth-ruby
  revision: 8d659d10229df298eda8007b4f09d5d392f69b1c
  specs:
    oauth (0.4.7)

GIT
  remote: https://github.com/CruGlobal/rspec_api_documentation
  revision: 5e766726cfd9fe8e16bfcfc58e013b7b549d5945
  ref: 5e766726cfd9fe8e16bfcfc58e013b7b549d5945
  specs:
    rspec_api_documentation (4.9.0)
      activesupport (>= 3.0.0)
      mustache (~> 1.0, >= 0.99.4)
      rspec (~> 3.0)

GIT
  remote: https://github.com/christianhellsten/guard-bundler-audit.git
  revision: 0b9d51c8a3bdd08c8eb1406ef171da97633d4c72
  specs:
    guard-bundler-audit (0.1.4)
      bundler-audit (>= 0.3.1)
      guard (~> 2.0)

GIT
  remote: https://github.com/gmailgem/gmail.git
  revision: 4f78039e9821340a24ad3d840180d2ec6c6e0115
  ref: 4f78039e9821340a24ad3d840180d2ec6c6e0115
  specs:
    gmail (0.6.0)
      gmail_xoauth (>= 0.3.0)
      mail (>= 2.2.1)

GIT
  remote: https://github.com/sheldond/siebel_donations.git
  revision: 49aac4cc7ac962e278a66672a4d9e302de44f561
  ref: 49aac4cc7ac962e278a66672a4d9e302de44f561
  specs:
    siebel_donations (1.0.6)
      activesupport (>= 3.0.0)
      oj (~> 2.18.5)
      rest-client (~> 2.0.2)
      retryable-rb (~> 1.1.0)

PATH
  remote: engines/auth
  specs:
    auth (0.0.1)
      oauth2 (~> 1.2.0)
      omniauth (~> 1.3.1)
      omniauth-google-oauth2 (~> 0.4.1)
      omniauth-mailchimp (~> 1.2.0)
      omniauth-prayer-letters (~> 0.0.3)
      rails (~> 4.2)
      sass-rails (~> 5.0.1)
      warden (~> 1.2.3)

GEM
  remote: https://rubygems.org/
  remote: https://gems.contribsys.com/
  specs:
    CFPropertyList (2.3.5)
    actionmailer (4.2.8)
      actionpack (= 4.2.8)
      actionview (= 4.2.8)
      activejob (= 4.2.8)
      mail (~> 2.5, >= 2.5.4)
      rails-dom-testing (~> 1.0, >= 1.0.5)
    actionpack (4.2.8)
      actionview (= 4.2.8)
      activesupport (= 4.2.8)
      rack (~> 1.6)
      rack-test (~> 0.6.2)
      rails-dom-testing (~> 1.0, >= 1.0.5)
      rails-html-sanitizer (~> 1.0, >= 1.0.2)
    actionview (4.2.8)
      activesupport (= 4.2.8)
      builder (~> 3.1)
      erubis (~> 2.7.0)
      rails-dom-testing (~> 1.0, >= 1.0.5)
      rails-html-sanitizer (~> 1.0, >= 1.0.3)
    active_model_serializers (0.10.3)
      actionpack (>= 4.1, < 6)
      activemodel (>= 4.1, < 6)
      jsonapi (= 0.1.1.beta2)
    activejob (4.2.8)
      activesupport (= 4.2.8)
      globalid (>= 0.3.0)
    activemodel (4.2.8)
      activesupport (= 4.2.8)
      builder (~> 3.1)
    activerecord (4.2.8)
      activemodel (= 4.2.8)
      activesupport (= 4.2.8)
      arel (~> 6.0)
    activerecord-import (0.16.2)
      activerecord (>= 3.2)
    activesupport (4.2.8)
      i18n (~> 0.7)
      minitest (~> 5.1)
      thread_safe (~> 0.3, >= 0.3.4)
      tzinfo (~> 1.1)
    activesupport-json_encoder (1.1.0)
      activesupport (>= 4.1.0, < 5.0)
    acts-as-taggable-on (4.0.0)
      activerecord (>= 4.0)
    addressable (2.5.2)
      public_suffix (>= 2.0.2, < 4.0)
    ammeter (1.1.4)
      activesupport (>= 3.0)
      railties (>= 3.0)
      rspec-rails (>= 2.2)
    arel (6.0.4)
    assignable_values (0.11.3)
      activerecord
    ast (2.3.0)
    attr_required (1.0.1)
    attributes_history (0.0.3)
      activerecord (>= 3.0, < 6.0)
      activesupport (>= 3.0, < 6.0)
    awesome_print (1.7.0)
    aws_cf_signer (0.1.3)
    axiom-types (0.1.1)
      descendants_tracker (~> 0.0.4)
      ice_nine (~> 0.11.0)
      thread_safe (~> 0.3, >= 0.3.1)
    axlsx (2.0.1)
      htmlentities (~> 4.3.1)
      nokogiri (>= 1.4.1)
      rubyzip (~> 1.0.0)
    axlsx_rails (0.5.1)
      actionpack (>= 3.1)
      axlsx (>= 2.0.1)
    bcrypt (3.1.11)
    blue-daemons (1.1.11)
    bluepill (0.1.3)
      activesupport (>= 3.2, < 6)
      blue-daemons (~> 1.1)
      state_machine (~> 1.1)
    brakeman (3.6.1)
    builder (3.2.3)
    bundler-audit (0.5.0)
      bundler (~> 1.2)
      thor (~> 0.18)
    byebug (9.0.6)
    carrierwave (0.11.2)
      activemodel (>= 3.2.0)
      activesupport (>= 3.2.0)
      json (>= 1.7)
      mime-types (>= 1.16)
      mimemagic (>= 0.3.0)
    charlock_holmes (0.7.4)
    choice (0.2.0)
    cloudinary (1.8.1)
      aws_cf_signer
      rest-client
    codecov (0.1.10)
      json
      simplecov
      url
    coderay (1.1.1)
    coercible (1.0.0)
      descendants_tracker (~> 0.0.1)
    concurrent-ruby (1.0.5)
    connection_pool (2.2.1)
    countries (0.9.3)
      currencies (~> 0.4.2)
    coveralls (0.8.21)
      json (>= 1.8, < 3)
      simplecov (~> 0.14.1)
      term-ansicolor (~> 1.3)
      thor (~> 0.19.4)
      tins (~> 1.6)
    crack (0.4.3)
      safe_yaml (~> 1.0.0)
    css_parser (1.5.0)
      addressable
    currencies (0.4.2)
    database_cleaner (1.5.3)
    ddtrace (0.7.2)
      msgpack
    deadlock_retry (1.2.0)
    declarative (0.0.9)
    declarative-option (0.1.0)
    descendants_tracker (0.0.4)
      thread_safe (~> 0.3, >= 0.3.1)
    devise (4.2.1)
      bcrypt (~> 3.0)
      orm_adapter (~> 0.1)
      railties (>= 4.1.0, < 5.1)
      responders
      warden (~> 1.2.3)
    diff-lcs (1.3)
    display_case (0.0.5)
    docile (1.1.5)
    domain_name (0.5.20170404)
      unf (>= 0.0.5, < 1.0.0)
    dotenv (2.1.2)
    dotenv-rails (2.1.2)
      dotenv (= 2.1.2)
      railties (>= 3.2, < 5.1)
    email_reply_parser (0.5.9)
    email_validator (1.6.0)
      activemodel
    equalizer (0.0.11)
    equivalent-xml (0.6.0)
      nokogiri (>= 1.4.3)
    erubis (2.7.0)
    et-orbi (1.0.3)
      tzinfo
    excon (0.55.0)
    execjs (2.7.0)
    factory_girl (4.5.0)
      activesupport (>= 3.0.0)
    factory_girl_rails (4.5.0)
      factory_girl (~> 4.5.0)
      railties (>= 3.0.0)
    faker (1.6.6)
      i18n (~> 0.5)
    faraday (0.9.2)
      multipart-post (>= 1.2, < 3)
    fast_gettext (1.4.0)
    fb_graph (2.6.7)
      httpclient (>= 2.2.0.2)
      multi_json (>= 1.3)
      rack-oauth2 (>= 0.14.4)
      tzinfo
    ffi (1.9.18)
    fission (0.5.0)
      CFPropertyList (~> 2.2)
    fog (1.36.0)
      fog-aliyun (>= 0.1.0)
      fog-atmos
      fog-aws (>= 0.6.0)
      fog-brightbox (~> 0.4)
      fog-core (~> 1.32)
      fog-dynect (~> 0.0.2)
      fog-ecloud (~> 0.1)
      fog-google (<= 0.1.0)
      fog-json
      fog-local
      fog-powerdns (>= 0.1.1)
      fog-profitbricks
      fog-radosgw (>= 0.0.2)
      fog-riakcs
      fog-sakuracloud (>= 0.0.4)
      fog-serverlove
      fog-softlayer
      fog-storm_on_demand
      fog-terremark
      fog-vmfusion
      fog-voxel
      fog-xenserver
      fog-xml (~> 0.1.1)
      ipaddress (~> 0.5)
      nokogiri (~> 1.5, >= 1.5.11)
    fog-aliyun (0.1.0)
      fog-core (~> 1.27)
      fog-json (~> 1.0)
      ipaddress (~> 0.8)
      xml-simple (~> 1.1)
    fog-atmos (0.1.0)
      fog-core
      fog-xml
    fog-aws (1.3.0)
      fog-core (~> 1.38)
      fog-json (~> 1.0)
      fog-xml (~> 0.1)
      ipaddress (~> 0.8)
    fog-brightbox (0.11.0)
      fog-core (~> 1.22)
      fog-json
      inflecto (~> 0.0.2)
    fog-core (1.44.1)
      builder
      excon (~> 0.49)
      formatador (~> 0.2)
    fog-dynect (0.0.3)
      fog-core
      fog-json
      fog-xml
    fog-ecloud (0.3.0)
      fog-core
      fog-xml
    fog-google (0.1.0)
      fog-core
      fog-json
      fog-xml
    fog-json (1.0.2)
      fog-core (~> 1.0)
      multi_json (~> 1.10)
    fog-local (0.3.1)
      fog-core (~> 1.27)
    fog-powerdns (0.1.1)
      fog-core (~> 1.27)
      fog-json (~> 1.0)
      fog-xml (~> 0.1)
    fog-profitbricks (3.0.0)
      fog-core (~> 1.42)
      fog-json (~> 1.0)
    fog-radosgw (0.0.5)
      fog-core (>= 1.21.0)
      fog-json
      fog-xml (>= 0.0.1)
    fog-riakcs (0.1.0)
      fog-core
      fog-json
      fog-xml
    fog-sakuracloud (1.7.5)
      fog-core
      fog-json
    fog-serverlove (0.1.2)
      fog-core
      fog-json
    fog-softlayer (1.1.4)
      fog-core
      fog-json
    fog-storm_on_demand (0.1.1)
      fog-core
      fog-json
    fog-terremark (0.1.0)
      fog-core
      fog-xml
    fog-vmfusion (0.1.0)
      fission
      fog-core
    fog-voxel (0.1.0)
      fog-core
      fog-xml
    fog-xenserver (0.3.0)
      fog-core
      fog-xml
    fog-xml (0.1.3)
      fog-core
      nokogiri (>= 1.5.11, < 2.0.0)
    foreigner (1.7.4)
      activerecord (>= 3.0.0)
    formatador (0.2.5)
    foundation_emails (2.2.1.0)
    geocoder (1.4.3)
    gettext (3.1.9)
      locale (>= 2.0.5)
      text (>= 1.3.0)
    gettext_i18n_rails (1.7.2)
      fast_gettext (>= 0.9.0)
    gibberish (1.4.0)
    gibbon (2.2.5)
      faraday (>= 0.9.1)
      multi_json (>= 1.11.0)
    globalid (0.4.0)
      activesupport (>= 4.2.0)
    gmail_xoauth (0.4.2)
      oauth (>= 0.3.6)
    google-api-client (0.13.1)
      addressable (~> 2.5, >= 2.5.1)
      googleauth (~> 0.5)
      httpclient (>= 2.8.1, < 3.0)
      mime-types (~> 3.0)
      representable (~> 3.0)
      retriable (>= 2.0, < 4.0)
    google_timezone (0.0.5)
    googleauth (0.5.1)
      faraday (~> 0.9)
      jwt (~> 1.4)
      logging (~> 2.0)
      memoist (~> 0.12)
      multi_json (~> 1.11)
      os (~> 0.9)
      signet (~> 0.7)
    graphql (1.4.5)
    growl (1.0.3)
    guard (2.14.1)
      formatador (>= 0.2.4)
      listen (>= 2.7, < 4.0)
      lumberjack (~> 1.0)
      nenv (~> 0.1)
      notiffany (~> 0.0)
      pry (>= 0.9.12)
      shellany (~> 0.0)
      thor (>= 0.18.1)
    guard-brakeman (0.8.3)
      brakeman (>= 2.1.1)
      guard (>= 2.0.0)
    guard-bundler (2.1.0)
      bundler (~> 1.0)
      guard (~> 2.2)
      guard-compat (~> 1.1)
    guard-compat (1.2.1)
    guard-puma (0.3.6)
      guard (~> 2.14)
      guard-compat (~> 1.2)
      puma (~> 3.6)
    guard-rails (0.8.0)
      guard (~> 2.11)
      guard-compat (~> 1.0)
    guard-rspec (4.7.3)
      guard (~> 2.1)
      guard-compat (~> 1.1)
      rspec (>= 2.99.0, < 4.0)
    guard-rubocop (1.2.0)
      guard (~> 2.0)
      rubocop (~> 0.20)
    guard-sidekiq (0.1.0)
      guard (>= 2)
      sidekiq
    hashdiff (0.3.6)
    hashie (1.2.0)
    htmlentities (4.3.4)
    http-cookie (1.0.3)
      domain_name (~> 0.5)
    http_logger (0.5.1)
    httpclient (2.8.3)
    i18n (0.8.1)
    ice_nine (0.11.2)
    indefinite_article (0.2.4)
      activesupport
    inflecto (0.0.2)
    iniparse (1.1.6)
    inky-rb (1.3.7.2)
      foundation_emails (~> 2)
      nokogiri
    ipaddress (0.8.3)
    json (1.8.6)
    jsonapi (0.1.1.beta2)
      json (~> 1.8)
    jwt (1.5.6)
    kaminari (0.16.3)
      actionpack (>= 3.0.0)
      activesupport (>= 3.0.0)
    koala (1.9.0)
      addressable
      faraday
      multi_json
    launchy (2.4.3)
      addressable (~> 2.3)
    letter_opener (1.4.1)
      launchy (~> 2.2)
    linkedin (0.3.7)
      hashie (~> 1.2)
      multi_json (~> 1.0)
      oauth (~> 0.4)
    listen (3.1.5)
      rb-fsevent (~> 0.9, >= 0.9.4)
      rb-inotify (~> 0.9, >= 0.9.7)
      ruby_dep (~> 1.2)
    little-plugger (1.1.4)
    locale (2.1.2)
    logging (2.2.2)
      little-plugger (~> 1.1)
      multi_json (~> 1.10)
    loofah (2.0.3)
      nokogiri (>= 1.5.9)
    lumberjack (1.0.11)
    mail (2.6.6)
      mime-types (>= 1.16, < 4)
    marco-polo (1.2.1)
    memoist (0.16.0)
    method_source (0.8.2)
    mime-types (3.1)
      mime-types-data (~> 3.2015)
    mime-types-data (3.2016.0521)
    mimemagic (0.3.2)
    mini_portile2 (2.2.0)
    minitest (5.10.2)
    mock_redis (0.17.3)
    msgpack (1.1.0)
    multi_json (1.12.1)
    multi_xml (0.6.0)
    multipart-post (2.0.0)
    mustache (1.0.5)
    nameable (1.1.3)
    nenv (0.3.0)
    netrc (0.11.0)
    newrelic_rpm (4.4.0.336)
    nokogiri (1.8.0)
      mini_portile2 (~> 2.2.0)
    notiffany (0.1.1)
      nenv (~> 0.1)
      shellany (~> 0.0)
    oauth2 (1.2.0)
      faraday (>= 0.8, < 0.10)
      jwt (~> 1.0)
      multi_json (~> 1.3)
      multi_xml (~> 0.5)
      rack (>= 1.2, < 3)
    oj (2.18.5)
    omniauth (1.3.2)
      hashie (>= 1.2, < 4)
      rack (>= 1.0, < 3)
    omniauth-google-oauth2 (0.4.1)
      jwt (~> 1.5.2)
      multi_json (~> 1.3)
      omniauth (>= 1.1.1)
      omniauth-oauth2 (>= 1.3.1)
    omniauth-mailchimp (1.2.0)
      omniauth (~> 1.0)
      omniauth-oauth2
    omniauth-oauth2 (1.4.0)
      oauth2 (~> 1.0)
      omniauth (~> 1.2)
    omniauth-prayer-letters (0.0.3)
      multi_json
      omniauth-oauth2
    orm_adapter (0.5.0)
    os (0.9.6)
    parallel (1.11.1)
    parallel_tests (2.10.0)
      parallel
    parser (2.4.0.0)
      ast (~> 2.2)
    pg (0.21.0)
    phonelib (0.5.6)
    powerpack (0.1.1)
    premailer (1.10.4)
      addressable
      css_parser (>= 1.4.10)
      htmlentities (>= 4.0.0)
    premailer-rails (1.9.7)
      actionmailer (>= 3, < 6)
      premailer (~> 1.7, >= 1.7.9)
    pry (0.10.4)
      coderay (~> 1.1.0)
      method_source (~> 0.8.1)
      slop (~> 3.4)
    pry-byebug (3.4.2)
      byebug (~> 9.0)
      pry (~> 0.10)
    pry-rails (0.3.6)
      pry (>= 0.10.4)
    public_suffix (3.0.0)
    puma (3.6.2)
    pundit (1.1.0)
      activesupport (>= 3.0.0)
    rack (1.6.8)
    rack-cors (0.4.1)
    rack-oauth2 (1.6.2)
      activesupport (>= 2.3)
      attr_required (>= 0.0.5)
      httpclient (>= 2.4)
      multi_json (>= 1.3.6)
      rack (>= 1.1)
    rack-protection (1.5.3)
      rack
    rack-test (0.6.3)
      rack (>= 1.0)
    railroady (1.5.2)
    rails (4.2.8)
      actionmailer (= 4.2.8)
      actionpack (= 4.2.8)
      actionview (= 4.2.8)
      activejob (= 4.2.8)
      activemodel (= 4.2.8)
      activerecord (= 4.2.8)
      activesupport (= 4.2.8)
      bundler (>= 1.3.0, < 2.0)
      railties (= 4.2.8)
      sprockets-rails
    rails-api (0.4.1)
      actionpack (>= 3.2.11)
      railties (>= 3.2.11)
    rails-deprecated_sanitizer (1.0.3)
      activesupport (>= 4.2.0.alpha)
    rails-dom-testing (1.0.8)
      activesupport (>= 4.2.0.beta, < 5.0)
      nokogiri (~> 1.6)
      rails-deprecated_sanitizer (>= 1.0.1)
    rails-erd (1.5.0)
      activerecord (>= 3.2)
      activesupport (>= 3.2)
      choice (~> 0.2.0)
      ruby-graphviz (~> 1.2)
    rails-footnotes (4.1.8)
      rails (>= 3.2)
    rails-html-sanitizer (1.0.3)
      loofah (~> 2.0)
    rails_autolink (1.1.6)
      rails (> 3.1)
    railties (4.2.8)
      actionpack (= 4.2.8)
      activesupport (= 4.2.8)
      rake (>= 0.8.7)
      thor (>= 0.18.1, < 2.0)
    rainbow (2.2.2)
      rake
    rake (10.5.0)
    rb-fsevent (0.9.8)
    rb-inotify (0.9.8)
      ffi (>= 0.5.0)
    rdoc (4.3.0)
    redis (3.3.3)
    redis-actionpack (5.0.1)
      actionpack (>= 4.0, < 6)
      redis-rack (>= 1, < 3)
      redis-store (>= 1.1.0, < 1.4.0)
    redis-activesupport (5.0.2)
      activesupport (>= 3, < 6)
      redis-store (~> 1.3.0)
    redis-namespace (1.5.3)
      redis (~> 3.0, >= 3.0.4)
    redis-objects (0.6.1)
      redis (>= 3.0.2)
    redis-rack (2.0.2)
      rack (>= 1.5, < 3)
      redis-store (>= 1.2, < 1.4)
    redis-rails (5.0.2)
      redis-actionpack (>= 5.0, < 6)
      redis-activesupport (>= 5.0, < 6)
      redis-store (>= 1.2, < 2)
    redis-store (1.3.0)
      redis (>= 2.2)
    representable (3.0.4)
      declarative (< 0.1.0)
      declarative-option (< 0.2.0)
      uber (< 0.2.0)
    responders (2.4.0)
      actionpack (>= 4.2.0, < 5.3)
      railties (>= 4.2.0, < 5.3)
    rest-client (2.0.2)
      http-cookie (>= 1.0.2, < 2.0)
      mime-types (>= 1.16, < 4.0)
      netrc (~> 0.8)
    retriable (3.0.2)
    retryable-rb (1.1.0)
    rollbar (2.8.3)
      multi_json
    rollout (2.0.0)
      redis
    roo (1.13.2)
      nokogiri
      rubyzip
      spreadsheet (> 0.6.4)
    rspec (3.5.0)
      rspec-core (~> 3.5.0)
      rspec-expectations (~> 3.5.0)
      rspec-mocks (~> 3.5.0)
    rspec-core (3.5.4)
      rspec-support (~> 3.5.0)
    rspec-expectations (3.5.0)
      diff-lcs (>= 1.2.0, < 2.0)
      rspec-support (~> 3.5.0)
    rspec-mocks (3.5.0)
      diff-lcs (>= 1.2.0, < 2.0)
      rspec-support (~> 3.5.0)
    rspec-rails (3.5.2)
      actionpack (>= 3.0)
      activesupport (>= 3.0)
      railties (>= 3.0)
      rspec-core (~> 3.5.0)
      rspec-expectations (~> 3.5.0)
      rspec-mocks (~> 3.5.0)
      rspec-support (~> 3.5.0)
    rspec-support (3.5.0)
    rubocop (0.42.0)
      parser (>= 2.3.1.1, < 3.0)
      powerpack (~> 0.1)
      rainbow (>= 1.99.1, < 3.0)
      ruby-progressbar (~> 1.7)
      unicode-display_width (~> 1.0, >= 1.0.1)
    ruby-graphviz (1.2.3)
    ruby-ole (1.2.12.1)
    ruby-progressbar (1.9.0)
    ruby-rtf (0.0.1)
    ruby_dep (1.5.0)
    ruby_parser (3.9.0)
      sexp_processor (~> 4.1)
    rubyzip (1.0.0)
    rufus-scheduler (3.4.0)
      et-orbi (~> 1.0)
    safe_yaml (1.0.4)
    sass (3.4.23)
    sass-rails (5.0.6)
      railties (>= 4.0.0, < 6)
      sass (~> 3.1)
      sprockets (>= 2.8, < 4.0)
      sprockets-rails (>= 2.0, < 4.0)
      tilt (>= 1.1, < 3)
    sdoc (0.4.2)
      json (~> 1.7, >= 1.7.7)
      rdoc (~> 4.0)
    sexp_processor (4.9.0)
    shellany (0.0.1)
    shoulda-matchers (3.1.1)
      activesupport (>= 4.0.0)
    sidekiq (5.0.4)
      concurrent-ruby (~> 1.0)
      connection_pool (~> 2.2, >= 2.2.0)
      rack-protection (>= 1.5.0)
      redis (~> 3.3, >= 3.3.3)
    sidekiq-cron (0.4.5)
      redis-namespace (>= 1.5.2)
      rufus-scheduler (>= 2.0.24)
      sidekiq (>= 4.2.1)
    sidekiq-pro (3.5.1)
      sidekiq (>= 4.1.5)
    sidekiq-unique-jobs (5.0.8)
      sidekiq (>= 4.0, <= 6.0)
      thor (~> 0)
    signet (0.7.3)
      addressable (~> 2.3)
      faraday (~> 0.9)
      jwt (~> 1.5)
      multi_json (~> 1.10)
    simplecov (0.14.1)
      docile (~> 1.1.0)
      json (>= 1.8, < 3)
      simplecov-html (~> 0.10.0)
    simplecov-html (0.10.2)
    simplecov-lcov (0.5.0)
    sinatra (1.4.8)
      rack (~> 1.5)
      rack-protection (~> 1.4)
      tilt (>= 1.3, < 3)
    slim (3.0.7)
      temple (~> 0.7.6)
      tilt (>= 1.3.3, < 2.1)
    slop (3.6.0)
    snail (2.2.2)
      activesupport
    spreadsheet (1.1.4)
      ruby-ole (>= 1.0)
    spring (1.7.2)
    spring-commands-rspec (1.0.4)
      spring (>= 0.9.1)
    sprockets (3.7.1)
      concurrent-ruby (~> 1.0)
      rack (> 1, < 3)
    sprockets-rails (3.2.0)
      actionpack (>= 4.0)
      activesupport (>= 4.0)
      sprockets (>= 3.0.0)
    state_machine (1.2.0)
    syslog-logger (1.6.8)
    temple (0.7.7)
    term-ansicolor (1.6.0)
      tins (~> 1.0)
    test_after_commit (1.1.0)
      activerecord (>= 3.2)
    text (1.3.1)
    thor (0.19.4)
    thread_safe (0.3.6)
    tilt (2.0.7)
    tins (1.15.0)
    twitter_cldr (2.4.3)
      json
      tzinfo
    tzinfo (1.2.3)
      thread_safe (~> 0.1)
    uber (0.1.0)
    uglifier (3.2.0)
      execjs (>= 0.3.0, < 3)
    unf (0.1.4)
      unf_ext
    unf_ext (0.0.7.4)
    unicode-display_width (1.3.0)
    url (0.3.2)
    user_agent_decoder (0.0.9)
    versionist (1.2.1)
      rails (>= 3)
      yard (~> 0.7)
    virtus (1.0.5)
      axiom-types (~> 0.1)
      coercible (~> 1.0)
      descendants_tracker (~> 0.0, >= 0.0.3)
      equalizer (~> 0.0, >= 0.0.9)
    warden (1.2.7)
      rack (>= 1.0)
    webmock (2.3.2)
      addressable (>= 2.3.6)
      crack (>= 0.3.2)
      hashdiff
    xml-simple (1.1.5)
    yard (0.9.9)
    zonebie (0.6.1)

PLATFORMS
  ruby

DEPENDENCIES
  active_model_serializers (= 0.10.3)
  activerecord-import (~> 0.16.1)
  activesupport-json_encoder (~> 1.1.0)
  acts-as-taggable-on (~> 4.0.0)
  ammeter (~> 1.1.4)
  assignable_values (~> 0.11.2)
  attributes_history (~> 0.0.3)
  auth!
  awesome_print (~> 1.7.0)
  axlsx (= 2.0.1)
  axlsx_rails (~> 0.5.0)
  bluepill (~> 0.1.2)
  carrierwave (~> 0.11.2)
  charlock_holmes (~> 0.7.4)
  cloudinary (~> 1.8.1)
  codecov
  country_select!
  coveralls (~> 0.8.21)
  database_cleaner (~> 1.5.3)
  ddtrace (~> 0.7.2)
  deadlock_retry (~> 1.2.0)
  devise (~> 4.2.1)
  display_case (= 0.0.5)
  dotenv-rails (~> 2.1.1)
  email_reply_parser (~> 0.5.9)
  email_validator (~> 1.6.0)
  equivalent-xml (~> 0.6.0)
  factory_girl_rails (~> 4.5.0)
  faker (~> 1.6.6)
  fb_graph (~> 2.6.0)
  fog (~> 1.36.0)
  foreigner (~> 1.7.4)
  geocoder (~> 1.4.0)
  gettext (~> 3.1.6)
  gettext_i18n_rails (~> 1.7.2)
  gibberish (~> 1.4.0)
  gibbon (~> 2.2.4)
  gmail!
  google-api-client (~> 0.13.1)
  google_contacts_api!
  google_timezone (~> 0.0.5)
  graphql (~> 1.4.2)
  growl (~> 1.0.3)
  guard-brakeman
  guard-bundler
  guard-bundler-audit!
  guard-puma
  guard-rails
  guard-rspec
  guard-rubocop
  guard-sidekiq
  http_logger (~> 0.5.1)
  indefinite_article
  iniparse (~> 1.1.6)
  inky-rb (~> 1.3.7)
  jwt (~> 1.5.6)
  kaminari (~> 0.16.3)
  koala (~> 1.9.0)
  letter_opener (~> 1.4.1)
  linkedin (~> 0.3.7)
  mail (~> 2.6.6)
  marco-polo (~> 1.2.1)
  mock_redis (~> 0.17.0)
  nameable (~> 1.1.3)
  newrelic_rpm (< 5)
  oauth!
  oj (~> 2.18.5)
  parallel_tests (~> 2.10.0)
  pg (~> 0.21.0)
  phonelib (~> 0.5.4)
  premailer-rails (~> 1.9.7)
  pry-byebug (~> 3.4.0)
  pry-rails (~> 0.3.4)
  puma (~> 3.6.0)
  pundit (~> 1.1.0)
  rack-cors (~> 0.4.0)
  railroady (~> 1.5.2)
  rails (~> 4.2.0)
  rails-api (~> 0.4.0)
  rails-erd (~> 1.5.0)
  rails-footnotes (~> 4.1.8)
  rails_autolink (~> 1.1.5)
  rake (~> 10.5.0)
  rb-fsevent
  redis-namespace (~> 1.5.3)
  redis-objects (~> 0.6.1)
  redis-rails (~> 5.0.1)
  responders (~> 2.4.0)
  rest-client (~> 2.0.2)
  retryable-rb (~> 1.1.0)
  rollbar (~> 2.8.3)
  rollout (~> 2.0.0)
  roo (~> 1.13.2)
  rspec (~> 3.4)
  rspec-rails (~> 3.4)
  rspec_api_documentation!
  rubocop (= 0.42)
  ruby-rtf (~> 0.0.1)
  ruby_parser
  rubyzip (= 1.0.0)
  sdoc (~> 0.4.0)
  shoulda-matchers (~> 3.1.1)
  sidekiq-cron (~> 0.4.4)
  sidekiq-pro (~> 3.5.0)!
  sidekiq-unique-jobs (~> 5.0.8)
  siebel_donations!
  simplecov (~> 0.14.1)
  simplecov-lcov (~> 0.5.0)
  sinatra (~> 1.4.7)
  slim (~> 3.0.7)
  snail (~> 2.2.1)
  spring (~> 1.7.1)
  spring-commands-rspec (~> 1.0.4)
  syslog-logger (~> 1.6.8)
  test_after_commit
  twitter_cldr (~> 2.4.0)
  uglifier
  user_agent_decoder (~> 0.0.9)
  versionist (~> 1.2.1)
  virtus (~> 1.0.5)
  webmock (< 3)
  zonebie (~> 0.6.1)

BUNDLED WITH
   1.15.4
