GIT
  remote: http://github.com/CruGlobal/country_select.git
  revision: 1ac18d07568b2a94b45818ae107bc3f08965301b
  specs:
    country_select (1.2.0)
      countries (= 0.9.3)

GIT
  remote: http://github.com/CruGlobal/oauth-ruby
  revision: 8d659d10229df298eda8007b4f09d5d392f69b1c
  specs:
    oauth (0.4.7)

GIT
  remote: https://gist.github.com/6112257.git
  revision: 40b1704e6396748b1c3bf7d3a928adcd37933e3d
  specs:
    emoji_spec (0.1)

GIT
  remote: https://github.com/CruGlobal/google_contacts_api
  revision: fddc9992600bcf60950585157497eebb52b042db
  specs:
    google_contacts_api (0.5.0)
      activesupport
      hashie
      i18n
      json

GIT
  remote: https://github.com/gmailgem/gmail.git
  revision: 9aa7e57eab838631937db032431aedcde03e6b1d
  specs:
    gmail (0.4.2)
      gmail_xoauth (>= 0.3.0)
      mail (>= 2.2.1)

GIT
  remote: https://github.com/sstephenson/global_phone.git
  revision: 9b2772c4678dc9e323c58d9258663812bbd9fc73
  specs:
    global_phone (1.0.1)
    global_phone_dbgen (1.0.1)
      nokogiri (~> 1.5)

GEM
  remote: http://rubygems.org/
  remote: https://gems.contribsys.com/
  specs:
    actionmailer (4.1.8)
      actionpack (= 4.1.8)
      actionview (= 4.1.8)
      mail (~> 2.5, >= 2.5.4)
    actionpack (4.1.8)
      actionview (= 4.1.8)
      activesupport (= 4.1.8)
      rack (~> 1.5.2)
      rack-test (~> 0.6.2)
    actionview (4.1.8)
      activesupport (= 4.1.8)
      builder (~> 3.1)
      erubis (~> 2.7.0)
    active_model_serializers (0.8.2)
      activemodel (>= 3.0)
    activemodel (4.1.8)
      activesupport (= 4.1.8)
      builder (~> 3.1)
    activerecord (4.1.8)
      activemodel (= 4.1.8)
      activesupport (= 4.1.8)
      arel (~> 5.0.0)
    activerecord-import (0.7.0)
      activerecord (>= 3.0)
    activesupport (4.1.8)
      i18n (~> 0.6, >= 0.6.9)
      json (~> 1.7, >= 1.7.7)
      minitest (~> 5.1)
      thread_safe (~> 0.1)
      tzinfo (~> 1.1)
    acts-as-taggable-on (3.0.2)
      rails (>= 3, < 5)
    addressable (2.3.6)
    airbrake (4.1.0)
      builder
      multi_json
    akami (1.2.2)
      gyoku (>= 0.4.0)
      nokogiri
    angular-ui-bootstrap-rails (0.11.2)
    angularjs-rails (1.3.3)
    arel (5.0.1.20140414130214)
    assignable_values (0.5.3)
      activerecord
    ast (2.0.0)
    astrolabe (1.3.0)
      parser (>= 2.2.0.pre.3, < 3.0)
    atomic (1.1.16)
    attr_required (1.0.0)
    autoparse (0.3.3)
      addressable (>= 2.3.1)
      extlib (>= 0.9.15)
      multi_json (>= 1.0.0)
    awesome_print (1.2.0)
    aws_cf_signer (0.1.3)
    backports (3.6.4)
    bcrypt (3.1.9)
    best_in_place (3.0.2)
      actionpack (>= 3.2)
      railties (>= 3.2)
    better_errors (2.0.0)
      coderay (>= 1.0.0)
      erubis (>= 2.6.6)
      rack (>= 0.9.0)
    binding_of_caller (0.7.2)
      debug_inspector (>= 0.0.1)
    blue-daemons (1.1.11)
    bluepill (0.0.69)
      activesupport (>= 3, < 5)
      blue-daemons (~> 1.1.11)
      i18n (~> 0.5)
      state_machine (~> 1.1)
    builder (3.2.2)
    capybara (2.4.4)
      mime-types (>= 1.16)
      nokogiri (>= 1.3.3)
      rack (>= 1.0.0)
      rack-test (>= 0.5.4)
      xpath (~> 2.0)
    carrierwave (0.10.0)
      activemodel (>= 3.2.0)
      activesupport (>= 3.2.0)
      json (>= 1.7)
      mime-types (>= 1.16)
    celluloid (0.16.0)
      timers (~> 4.0.0)
    chronic (0.10.2)
    cliver (0.3.2)
    cloudinary (1.0.78)
      aws_cf_signer
      rest-client
    coderay (1.1.0)
    coffee-rails (4.0.1)
      coffee-script (>= 2.2.0)
      railties (>= 4.0.0, < 5.0)
    coffee-script (2.3.0)
      coffee-script-source
      execjs
    coffee-script-source (1.8.0)
    connection_pool (2.1.1)
    countries (0.9.3)
      currencies (~> 0.4.2)
    crack (0.4.2)
      safe_yaml (~> 1.0.0)
    currencies (0.4.2)
    daemon_controller (1.2.0)
    daemons (1.1.9)
    dalli (2.7.2)
    database_cleaner (1.3.0)
    deadlock_retry (1.2.0)
    debug_inspector (0.0.2)
    descendants_tracker (0.0.4)
      thread_safe (~> 0.3, >= 0.3.1)
    devise (3.2.4)
      bcrypt (~> 3.0)
      orm_adapter (~> 0.1)
      railties (>= 3.2.6, < 5)
      thread_safe (~> 0.1)
      warden (~> 1.2.3)
    diff-lcs (1.2.5)
    display_case (0.0.5)
    docile (1.1.5)
    email_validator (1.4.0)
      activemodel
    equivalent-xml (0.5.1)
      nokogiri (>= 1.4.3)
    erubis (2.7.0)
    eventmachine (1.0.3)
    excon (0.41.0)
    execjs (2.2.2)
    extlib (0.9.16)
    factory_girl (4.5.0)
      activesupport (>= 3.0.0)
    factory_girl_rails (4.5.0)
      factory_girl (~> 4.5.0)
      railties (>= 3.0.0)
    faraday (0.9.1)
      multipart-post (>= 1.2, < 3)
    fast_gettext (0.9.0)
    fb_graph (2.6.7)
      httpclient (>= 2.2.0.2)
      multi_json (>= 1.3)
      rack-oauth2 (>= 0.14.4)
      tzinfo
    ffi (1.9.6)
    fog (1.23.0)
      fog-brightbox
      fog-core (~> 1.23)
      fog-json
      fog-softlayer
      ipaddress (~> 0.5)
      nokogiri (~> 1.5, >= 1.5.11)
    fog-brightbox (0.6.1)
      fog-core (~> 1.22)
      fog-json
      inflecto
    fog-core (1.25.0)
      builder
      excon (~> 0.38)
      formatador (~> 0.2)
      mime-types
      net-scp (~> 1.1)
      net-ssh (>= 2.1.3)
    fog-json (1.0.0)
      multi_json (~> 1.0)
    fog-softlayer (0.3.24)
      fog-core
      fog-json
    font-awesome-rails (4.2.0.0)
      railties (>= 3.2, < 5.0)
    formatador (0.2.5)
    fuubar (1.3.3)
      rspec (>= 2.14.0, < 3.1.0)
      ruby-progressbar (~> 1.4)
    geocoder (1.2.6)
    gettext (3.1.4)
      locale (>= 2.0.5)
      text
    gettext_i18n_rails (1.1.0)
      fast_gettext (>= 0.9.0)
    gibberish (1.4.0)
    gibbon (0.4.6)
      httparty
      multi_json (>= 1.3.4)
    gmail_xoauth (0.4.1)
      oauth (>= 0.3.6)
    gmaps4rails (2.1.2)
    google-api-client (0.7.1)
      addressable (>= 2.3.2)
      autoparse (>= 0.3.3)
      extlib (>= 0.9.15)
      faraday (>= 0.9.0)
      jwt (>= 0.1.5)
      launchy (>= 2.1.1)
      multi_json (>= 1.0.0)
      retriable (>= 1.4)
      signet (>= 0.5.0)
      uuidtools (>= 2.1.0)
    google_timezone (0.0.3)
    growl (1.0.3)
    guard (2.9.0)
      formatador (>= 0.2.4)
      listen (~> 2.7)
      lumberjack (~> 1.0)
      pry (>= 0.9.12)
      thor (>= 0.18.1)
    guard-rspec (4.3.1)
      guard (~> 2.1)
      rspec (>= 2.14, < 4.0)
    guard-rubocop (1.2.0)
      guard (~> 2.0)
      rubocop (~> 0.20)
    gyoku (1.1.1)
      builder (>= 2.1.2)
    haml (4.0.5)
      tilt
    hashie (1.2.0)
    hike (1.2.3)
    hitimes (1.2.2)
    httparty (0.13.3)
      json (~> 1.8)
      multi_xml (>= 0.5.2)
    httpauth (0.2.1)
    httpclient (2.5.3.3)
    httpi (2.1.1)
      rack
      rubyntlm (~> 0.3.2)
    i18n (0.7.0)
    inflecto (0.0.2)
    iniparse (1.1.6)
    ipaddress (0.8.0)
    jquery-rails (3.0.4)
      railties (>= 3.0, < 5.0)
      thor (>= 0.14, < 2.0)
    jquery-ui-rails (4.2.1)
      railties (>= 3.2.16)
    json (1.8.2)
    jwt (0.1.13)
      multi_json (>= 1.5)
    kgio (2.9.2)
    koala (1.9.0)
      addressable
      faraday
      multi_json
    launchy (2.4.3)
      addressable (~> 2.3)
    linkedin (0.3.7)
      hashie (~> 1.2)
      multi_json (~> 1.0)
      oauth (~> 0.4)
    listen (2.8.2)
      celluloid (>= 0.15.2)
      rb-fsevent (>= 0.9.3)
      rb-inotify (>= 0.9)
    locale (2.1.0)
    lodash-rails (2.4.1)
      railties (>= 3.1)
    lumberjack (1.0.9)
    mail (2.6.3)
      mime-types (>= 1.16, < 3)
    mailcatcher (0.2.4)
      eventmachine
      haml
      i18n
      json
      mail
      sinatra
      skinny (>= 0.1.2)
      sqlite3-ruby
      thin
    method_source (0.8.2)
    mime-types (1.25.1)
    minitest (5.5.1)
    mock_redis (0.13.2)
    momentjs-rails (2.8.3)
      railties (>= 3.1)
    mono_logger (1.1.0)
    multi_json (1.10.1)
    multi_xml (0.5.5)
    multipart-post (2.0.0)
    net-scp (1.2.1)
      net-ssh (>= 2.6.5)
    net-ssh (2.9.1)
    newrelic_rpm (3.7.3.204)
    ngmin-rails (0.4.0)
      rails (>= 3.1)
    nokogiri (1.5.11)
    nori (2.3.0)
    oauth2 (0.8.1)
      faraday (~> 0.8)
      httpauth (~> 0.1)
      jwt (~> 0.1.4)
      multi_json (~> 1.0)
      rack (~> 1.2)
    oj (2.1.7)
    omniauth (1.1.4)
      hashie (>= 1.2, < 3)
      rack
    omniauth-cas (1.0.2)
      addressable (~> 2.3)
      nokogiri (~> 1.5)
      omniauth (~> 1.1.0)
    omniauth-facebook (1.6.0)
      omniauth-oauth2 (~> 1.1)
    omniauth-google-oauth2 (0.2.6)
      omniauth (> 1.0)
      omniauth-oauth2 (~> 1.1)
    omniauth-linkedin (0.1.0)
      omniauth-oauth (~> 1.0)
    omniauth-oauth (1.0.1)
      oauth
      omniauth (~> 1.0)
    omniauth-oauth2 (1.1.1)
      oauth2 (~> 0.8.0)
      omniauth (~> 1.0)
    omniauth-prayer-letters (0.0.3)
      multi_json
      omniauth-oauth2
    omniauth-twitter (1.0.1)
      multi_json (~> 1.3)
      omniauth-oauth (~> 1.0)
    orm_adapter (0.5.0)
    paper_trail (3.0.6)
      activerecord (>= 3.0, < 5.0)
      activesupport (>= 3.0, < 5.0)
    parser (2.2.0.pre.8)
      ast (>= 1.1, < 3.0)
      slop (~> 3.4, >= 3.4.5)
    passenger (4.0.53)
      daemon_controller (>= 1.2.0)
      rack
      rake (>= 0.8.1)
    peek (0.1.9)
      atomic (>= 1.0.0)
      railties (>= 3.0.0)
    peek-dalli (1.1.2)
      atomic (>= 1.0.0)
      dalli
      peek
    peek-gc (0.0.2)
      peek
    peek-git (1.0.2)
      peek
    peek-performance_bar (1.1.6)
      peek (>= 0.1.0)
    peek-pg (1.1.0)
      atomic (>= 1.0.0)
      peek
      pg
    peek-redis (1.1.0)
      atomic (>= 1.0.0)
      peek
      redis
    pg (0.14.1)
    poltergeist (1.5.1)
      capybara (~> 2.1)
      cliver (~> 0.3.1)
      multi_json (~> 1.0)
      websocket-driver (>= 0.2.0)
    powerpack (0.0.9)
    pry (0.10.1)
      coderay (~> 1.1.0)
      method_source (~> 0.8.1)
      slop (~> 3.4)
    quiet_assets (1.0.3)
      railties (>= 3.1, < 5.0)
    rack (1.5.2)
    rack-oauth2 (1.0.8)
      activesupport (>= 2.3)
      attr_required (>= 0.0.5)
      httpclient (>= 2.2.0.2)
      multi_json (>= 1.3.6)
      rack (>= 1.1)
    rack-protection (1.5.3)
      rack
    rack-test (0.6.2)
      rack (>= 1.0)
    railroady (1.2.0)
    rails (4.1.8)
      actionmailer (= 4.1.8)
      actionpack (= 4.1.8)
      actionview (= 4.1.8)
      activemodel (= 4.1.8)
      activerecord (= 4.1.8)
      activesupport (= 4.1.8)
      bundler (>= 1.3.0, < 2.0)
      railties (= 4.1.8)
      sprockets-rails (~> 2.0)
    rails-footnotes (4.1.4)
      rails (>= 3.2)
    rails_autolink (1.1.6)
      rails (> 3.1)
    railties (4.1.8)
      actionpack (= 4.1.8)
      activesupport (= 4.1.8)
      rake (>= 0.8.7)
      thor (>= 0.18.1, < 2.0)
    rainbow (2.0.0)
    raindrops (0.13.0)
    rake (10.4.0)
    rb-fsevent (0.9.4)
    rb-inotify (0.9.5)
      ffi (>= 0.5.0)
    rdoc (4.1.2)
      json (~> 1.4)
    redis (3.2.1)
    redis-namespace (1.5.1)
      redis (~> 3.0, >= 3.0.4)
    redis-objects (0.6.1)
      redis (>= 3.0.2)
    resque (1.25.2)
      mono_logger (~> 1.0)
      multi_json (~> 1.0)
      redis-namespace (~> 1.3)
      sinatra (>= 0.9.2)
      vegas (~> 0.1.2)
    resque_spec (0.15.0)
      resque (>= 1.19.0)
      rspec-core (>= 2.5.0)
      rspec-expectations (>= 2.5.0)
      rspec-mocks (>= 2.5.0)
    rest-client (1.6.8)
      mime-types (~> 1.16)
      rdoc (>= 2.4.2)
    retriable (1.4.1)
    retryable-rb (1.1.0)
    rollout (2.0.0)
      redis
    rspec (2.14.1)
      rspec-core (~> 2.14.0)
      rspec-expectations (~> 2.14.0)
      rspec-mocks (~> 2.14.0)
    rspec-core (2.14.8)
    rspec-expectations (2.14.5)
      diff-lcs (>= 1.1.3, < 2.0)
    rspec-mocks (2.14.6)
    rspec-rails (2.14.2)
      actionpack (>= 3.0)
      activemodel (>= 3.0)
      activesupport (>= 3.0)
      railties (>= 3.0)
      rspec-core (~> 2.14.0)
      rspec-expectations (~> 2.14.0)
      rspec-mocks (~> 2.14.0)
    rubocop (0.27.1)
      astrolabe (~> 1.3)
      parser (>= 2.2.0.pre.7, < 3.0)
      powerpack (~> 0.0.6)
      rainbow (>= 1.99.1, < 3.0)
      ruby-progressbar (~> 1.4)
    ruby-progressbar (1.7.0)
    ruby-rtf (0.0.1)
    ruby_parser (3.6.3)
      sexp_processor (~> 4.1)
    rubyntlm (0.3.4)
    safe_yaml (1.0.4)
    sass (3.2.19)
    sass-rails (4.0.5)
      railties (>= 4.0.0, < 5.0)
      sass (~> 3.2.2)
      sprockets (~> 2.8, < 3.0)
      sprockets-rails (~> 2.0)
    savon (2.3.3)
      akami (~> 1.2.0)
      builder (>= 2.1.2)
      gyoku (~> 1.1.0)
      httpi (~> 2.1.0)
      nokogiri (>= 1.4.0)
      nori (~> 2.3.0)
      wasabi (~> 3.2.2)
    sdoc (0.4.0)
      json (~> 1.8)
      rdoc (~> 4.0, < 5.0)
    secure_headers (1.3.4)
    sexp_processor (4.4.4)
    sidekiq (3.3.2)
      celluloid (>= 0.16.0)
      connection_pool (>= 2.1.1)
      json
      redis (>= 3.0.6)
      redis-namespace (>= 1.3.1)
    sidekiq-pro (1.9.2)
      sidekiq (>= 3.2.3)
    sidekiq-unique-jobs (3.0.10)
      sidekiq (>= 2.6)
    siebel_donations (1.0.5)
      activesupport (>= 3.0.0)
      oj (~> 2.1.0)
      rest-client (~> 1.6.7)
      retryable-rb (~> 1.1.0)
    signet (0.5.1)
      addressable (>= 2.2.3)
      faraday (>= 0.9.0.rc5)
      jwt (>= 0.1.5)
      multi_json (>= 1.0.0)
    simplecov (0.9.1)
      docile (~> 1.1.0)
      multi_json (~> 1.0)
      simplecov-html (~> 0.8.0)
    simplecov-html (0.8.0)
    sinatra (1.4.5)
      rack (~> 1.4)
      rack-protection (~> 1.4)
      tilt (~> 1.3, >= 1.3.4)
    skinny (0.2.3)
      eventmachine (~> 1.0.0)
      thin (~> 1.5.0)
    slim (2.1.0)
      temple (~> 0.6.9)
      tilt (>= 1.3.3, < 2.1)
    slop (3.6.0)
    spring (1.2.0)
    spring-commands-rspec (1.0.2)
      spring (>= 0.9.1)
    sprockets (2.12.3)
      hike (~> 1.2)
      multi_json (~> 1.0)
      rack (~> 1.0)
      tilt (~> 1.1, != 1.3.0)
    sprockets-rails (2.2.1)
      actionpack (>= 3.0)
      activesupport (>= 3.0)
      sprockets (>= 2.8, < 4.0)
    sqlite3 (1.3.10)
    sqlite3-ruby (1.3.3)
      sqlite3 (>= 1.3.3)
    state_machine (1.2.0)
    temple (0.6.10)
    text (1.3.0)
    thin (1.5.1)
      daemons (>= 1.0.9)
      eventmachine (>= 0.12.6)
      rack (>= 1.0.0)
    thor (0.19.1)
    thread_safe (0.3.4)
    tilt (1.4.1)
    timers (4.0.1)
      hitimes
    twitter_cldr (2.4.3)
      json
      tzinfo
    tzinfo (1.2.2)
      thread_safe (~> 0.1)
    uglifier (2.4.0)
      execjs (>= 0.3.0)
      json (>= 1.8.0)
    unicorn (4.8.3)
      kgio (~> 2.6)
      rack
      raindrops (~> 0.7)
    uuidtools (2.1.5)
    vegas (0.1.11)
      rack (>= 1.0.0)
    versionist (1.2.1)
      rails (>= 3)
      yard (~> 0.7)
    virtus (0.5.5)
      backports (~> 3.3)
      descendants_tracker (~> 0.0.1)
    warden (1.2.3)
      rack (>= 1.0)
    wasabi (3.2.3)
      httpi (~> 2.0)
      mime-types (< 2.0.0)
      nokogiri (>= 1.4.0)
    webmock (1.9.3)
      addressable (>= 2.2.7)
      crack (>= 0.3.2)
    websocket-driver (0.5.1)
      websocket-extensions (>= 0.1.0)
    websocket-extensions (0.1.1)
    whenever (0.8.4)
      activesupport (>= 2.3.4)
      chronic (>= 0.6.3)
    wicked (1.0.3)
      rails (>= 3.0.7)
    will_paginate (3.0.7)
    xpath (2.0.0)
      nokogiri (~> 1.3)
    yard (0.8.7.6)
    zonebie (0.5.1)

PLATFORMS
  ruby

DEPENDENCIES
  active_model_serializers (~> 0.8.1)
  activerecord-import (~> 0.7.0)
  acts-as-taggable-on (~> 3.0.0)
  airbrake
  angular-ui-bootstrap-rails
  angularjs-rails
  assignable_values (~> 0.5.3)
  awesome_print
  best_in_place (~> 3.0.1)
  better_errors
  binding_of_caller
  bluepill
  capybara
  carrierwave
  cloudinary
  coffee-rails (~> 4.0.1)
  country_select!
  dalli
  database_cleaner
  deadlock_retry (~> 1.2.0)
  devise (~> 3.2.2)
  display_case (= 0.0.5)
  email_validator
  emoji_spec!
  equivalent-xml
  execjs
  factory_girl_rails
  fb_graph (~> 2.6.0)
  fog (~> 1.23.0)
  font-awesome-rails
  fuubar
  geocoder
  gettext (>= 3.0.2)
  gettext_i18n_rails
  gibberish (~> 1.4.0)
  gibbon (~> 0.4.2)
  global_phone!
  global_phone_dbgen
  gmail!
  gmaps4rails (~> 2.1.2)
  google-api-client
  google_contacts_api!
  google_timezone
  growl
  guard-rspec
  guard-rubocop
  iniparse (~> 1.1.6)
  jquery-rails (~> 3.0.4)
  jquery-ui-rails (~> 4.2.1)
  koala (~> 1.9.0)
  linkedin (~> 0.3.7)
  lodash-rails
  mailcatcher
  mock_redis
  momentjs-rails
  newrelic_rpm (~> 3.7.1)
  ngmin-rails
  nokogiri (~> 1.5.11)
  oauth!
  oj (~> 2.1.0)
  omniauth-cas (~> 1.0.2)
  omniauth-facebook (~> 1.6.0)
  omniauth-google-oauth2
  omniauth-linkedin (~> 0.1.0)
  omniauth-prayer-letters
  omniauth-twitter (~> 1.0.1)
  paper_trail (~> 3.0.0)
  passenger
  peek
  peek-dalli
  peek-gc
  peek-git
  peek-performance_bar
  peek-pg
  peek-redis
  pg (~> 0.14.1)
  poltergeist
  quiet_assets
  railroady
  rails (~> 4.1.0)
  rails-footnotes
  rails_autolink (~> 1.1.5)
  rake
  rb-fsevent
  redis-namespace
  redis-objects (~> 0.6.1)
  resque_spec
  rest-client (~> 1.6.7)
  retryable-rb (~> 1.1.0)
  rollout (~> 2.0.0)
  rspec (~> 2.14.1)
  rspec-rails
  rubocop
  ruby-rtf
  ruby_parser
  sass-rails (~> 4.0.3)
  savon (~> 2.3.0)
  sdoc (~> 0.4.0)
  secure_headers
  sidekiq
  sidekiq-pro!
  sidekiq-unique-jobs
  siebel_donations (~> 1.0.5)
  simplecov
  sinatra
  slim
  spring-commands-rspec
  twitter_cldr (~> 2.4.0)
  uglifier (~> 2.4.0)
  unicorn
  versionist (~> 1.2.1)
  virtus (~> 0.5.4)
  webmock (~> 1.9.0)
  whenever (~> 0.8.1)
  wicked (~> 1.0.2)
  will_paginate (~> 3.0.3)
  zonebie
