GIT
  remote: http://github.com/26am/country_select.git
  revision: 73a88d3b8905d49d88abdcaeae7a86d7405e1f08
  specs:
    country_select (1.0.1)

GIT
  remote: http://github.com/90seconds/gmail.git
  revision: 8cb3baa3ffb016d0af092819f1d251649ae300f4
  specs:
    gmail (0.4.0)
      gmail_xoauth (>= 0.3.0)
      mail (>= 2.2.1)
      mime (>= 0.1)

GIT
  remote: http://github.com/CruGlobal/oauth-ruby
  revision: 8d659d10229df298eda8007b4f09d5d392f69b1c
  specs:
    oauth (0.4.7)

GIT
  remote: http://github.com/CruGlobal/siebel_donations.git
  revision: 2f59a6b819795e73958a1a9d68320eb2419058d6
  specs:
    siebel_donations (1.0.4)
      activesupport
      oj (~> 2.1.0)
      rest-client (~> 1.6.7)
      retryable-rb (~> 1.1.0)

GIT
  remote: http://github.com/mhfs/sidekiq-failures.git
  revision: bf5096fedc8edf68a3194de6b189371335860fae
  specs:
    sidekiq-failures (0.3.0)
      sidekiq (>= 2.14.0)

GIT
  remote: https://gist.github.com/6112257.git
  revision: 40b1704e6396748b1c3bf7d3a928adcd37933e3d
  specs:
    emoji_spec (0.1)

GEM
  remote: http://rubygems.org/
  specs:
    actionmailer (3.2.16)
      actionpack (= 3.2.16)
      mail (~> 2.5.4)
    actionpack (3.2.16)
      activemodel (= 3.2.16)
      activesupport (= 3.2.16)
      builder (~> 3.0.0)
      erubis (~> 2.7.0)
      journey (~> 1.0.4)
      rack (~> 1.4.5)
      rack-cache (~> 1.2)
      rack-test (~> 0.6.1)
      sprockets (~> 2.2.1)
    active_model_serializers (0.8.1)
      activemodel (>= 3.0)
    activemodel (3.2.16)
      activesupport (= 3.2.16)
      builder (~> 3.0.0)
    activerecord (3.2.16)
      activemodel (= 3.2.16)
      activesupport (= 3.2.16)
      arel (~> 3.0.2)
      tzinfo (~> 0.3.29)
    activeresource (3.2.16)
      activemodel (= 3.2.16)
      activesupport (= 3.2.16)
    activesupport (3.2.16)
      i18n (~> 0.6, >= 0.6.4)
      multi_json (~> 1.0)
    acts-as-taggable-on (2.3.3)
      rails (~> 3.0)
    addressable (2.3.5)
    airbrake (3.1.14)
      builder
      json
    arel (3.0.3)
    assignable_values (0.5.3)
      activerecord
    atomic (1.1.14)
    attr_required (0.0.5)
    autoparse (0.3.3)
      addressable (>= 2.3.1)
      extlib (>= 0.9.15)
      multi_json (>= 1.0.0)
    awesome_print (1.2.0)
    aws_cf_signer (0.1.2)
    backports (3.4.0)
    bcrypt-ruby (3.1.2)
    bluepill (0.0.66)
      activesupport (>= 3.0.0, < 4.0.0)
      daemons (~> 1.1.4)
      i18n (>= 0.5.0)
      state_machine (~> 1.1)
    builder (3.0.4)
    cache_digests (0.3.1)
      actionpack (>= 3.2)
      thread_safe
    capybara (2.2.0)
      mime-types (>= 1.16)
      nokogiri (>= 1.3.3)
      rack (>= 1.0.0)
      rack-test (>= 0.5.4)
      xpath (~> 2.0)
    carrierwave (0.9.0)
      activemodel (>= 3.2.0)
      activesupport (>= 3.2.0)
      json (>= 1.7)
    celluloid (0.15.2)
      timers (~> 1.1.0)
    childprocess (0.3.9)
      ffi (~> 1.0, >= 1.0.11)
    chronic (0.10.2)
    cloudinary (1.0.66)
      aws_cf_signer
      rest-client
    coderay (1.1.0)
    coffee-rails (3.2.2)
      coffee-script (>= 2.2.0)
      railties (~> 3.2.0)
    coffee-script (2.2.0)
      coffee-script-source
      execjs
    coffee-script-source (1.6.3)
    connection_pool (1.2.0)
    crack (0.4.1)
      safe_yaml (~> 0.9.0)
    daemons (1.1.9)
    dalli (2.6.4)
    database_cleaner (1.2.0)
    deadlock_retry (1.2.0)
    descendants_tracker (0.0.3)
    devise (2.1.4)
      bcrypt-ruby (~> 3.0)
      orm_adapter (~> 0.1)
      railties (~> 3.1)
      warden (~> 1.2.1)
    diff-lcs (1.2.5)
    display_case (0.0.5)
    docile (1.1.1)
    erubis (2.7.0)
    ethon (0.6.2)
      ffi (>= 1.3.0)
      mime-types (~> 1.18)
    eventmachine (1.0.3)
    excon (0.23.0)
    execjs (2.0.2)
    extlib (0.9.16)
    factory_girl (4.3.0)
      activesupport (>= 3.0.0)
    factory_girl_rails (4.3.0)
      factory_girl (~> 4.3.0)
      railties (>= 3.0.0)
    faraday (0.8.8)
      multipart-post (~> 1.2.0)
    fast_gettext (0.8.1)
    fb_graph (2.6.7)
      httpclient (>= 2.2.0.2)
      multi_json (>= 1.3)
      rack-oauth2 (>= 0.14.4)
      tzinfo
    ffi (1.9.3)
    fog (1.12.1)
      builder
      excon (~> 0.23.0)
      formatador (~> 0.2.0)
      mime-types
      multi_json (~> 1.0)
      net-scp (~> 1.1)
      net-ssh (>= 2.1.3)
      nokogiri (~> 1.5.0)
      ruby-hmac
    font-awesome-rails (4.0.3.0)
      railties (>= 3.2, < 5.0)
    formatador (0.2.4)
    fuubar (1.3.2)
      rspec (>= 2.14.0, < 3.1.0)
      ruby-progressbar (~> 1.3)
    gettext (2.3.9)
      locale
      text
    gettext_i18n_rails (0.10.1)
      fast_gettext (>= 0.4.8)
    gibberish (1.2.2)
    gibbon (0.4.6)
      httparty
      multi_json (>= 1.3.4)
    gmail_xoauth (0.4.1)
      oauth (>= 0.3.6)
    google-api-client (0.6.4)
      addressable (>= 2.3.2)
      autoparse (>= 0.3.3)
      extlib (>= 0.9.15)
      faraday (~> 0.8.4)
      jwt (>= 0.1.5)
      launchy (>= 2.1.1)
      multi_json (>= 1.0.0)
      signet (~> 0.4.5)
      uuidtools (>= 2.1.0)
    google_contacts_api (0.3.3)
      activesupport
      hashie
      i18n
      json
    growl (1.0.3)
    guard (2.2.5)
      formatador (>= 0.2.4)
      listen (~> 2.1)
      lumberjack (~> 1.0)
      pry (>= 0.9.12)
      thor (>= 0.18.1)
    guard-rspec (4.2.3)
      guard (~> 2.1)
      rspec (>= 2.14, < 4.0)
    guard-spork (1.5.1)
      childprocess (>= 0.2.3)
      guard (>= 1.1)
      spork (>= 0.8.4)
    haml (4.0.4)
      tilt
    hashie (1.2.0)
    hike (1.2.3)
    httparty (0.12.0)
      json (~> 1.8)
      multi_xml (>= 0.5.2)
    httpauth (0.2.0)
    httpclient (2.3.4.1)
    i18n (0.6.9)
    iniparse (1.1.6)
    journey (1.0.4)
    jquery-rails (2.1.4)
      railties (>= 3.0, < 5.0)
      thor (>= 0.14, < 2.0)
    jquery-ui-rails (3.0.1)
      jquery-rails
      railties (>= 3.1.0)
    json (1.8.1)
    jwt (0.1.8)
      multi_json (>= 1.5)
    kgio (2.8.1)
    koala (1.6.0)
      addressable (~> 2.2)
      faraday (~> 0.8)
      multi_json (~> 1.3)
    launchy (2.4.2)
      addressable (~> 2.3)
    libv8 (3.16.14.3)
    linkedin (0.3.7)
      hashie (~> 1.2)
      multi_json (~> 1.0)
      oauth (~> 0.4)
    listen (2.4.0)
      celluloid (>= 0.15.2)
      rb-fsevent (>= 0.9.3)
      rb-inotify (>= 0.9)
    locale (2.1.0)
    lumberjack (1.0.4)
    mail (2.5.4)
      mime-types (~> 1.16)
      treetop (~> 1.4.8)
    mailcatcher (0.5.12)
      activesupport (~> 3.0)
      eventmachine (~> 1.0.0)
      haml (>= 3.1, < 5)
      mail (~> 2.3)
      sinatra (~> 1.2)
      skinny (~> 0.2.3)
      sqlite3 (~> 1.3)
      thin (~> 1.5.0)
    method_source (0.8.2)
    mime (0.2.0)
    mime-types (1.25.1)
    mono_logger (1.1.0)
    multi_json (1.8.2)
    multi_xml (0.5.5)
    multipart-post (1.2.0)
    net-scp (1.1.2)
      net-ssh (>= 2.6.5)
    net-ssh (2.7.0)
    newrelic_rpm (3.6.9.171)
    nokogiri (1.5.11)
    oauth2 (0.8.1)
      faraday (~> 0.8)
      httpauth (~> 0.1)
      jwt (~> 0.1.4)
      multi_json (~> 1.0)
      rack (~> 1.2)
    oj (2.1.7)
    omniauth (1.1.4)
      hashie (>= 1.2, < 3)
      rack
    omniauth-cas (1.0.1)
      addressable (~> 2.3)
      nokogiri (~> 1.5)
      omniauth (~> 1.1.0)
    omniauth-facebook (1.4.1)
      omniauth-oauth2 (~> 1.1.0)
    omniauth-google-oauth2 (0.2.2)
      omniauth (~> 1.0)
      omniauth-oauth2
    omniauth-linkedin (0.0.8)
      omniauth-oauth (~> 1.0)
    omniauth-oauth (1.0.1)
      oauth
      omniauth (~> 1.0)
    omniauth-oauth2 (1.1.1)
      oauth2 (~> 0.8.0)
      omniauth (~> 1.0)
    omniauth-prayer-letters (0.0.2)
      multi_json
      omniauth-oauth
    omniauth-twitter (0.0.18)
      multi_json (~> 1.3)
      omniauth-oauth (~> 1.0)
    orm_adapter (0.5.0)
    paper_trail (2.7.2)
      activerecord (~> 3.0)
      railties (~> 3.0)
    pg (0.14.1)
    polyglot (0.3.3)
    pry (0.9.12.4)
      coderay (~> 1.0)
      method_source (~> 0.8)
      slop (~> 3.4)
    quiet_assets (1.0.2)
      railties (>= 3.1, < 5.0)
    rack (1.4.5)
    rack-cache (1.2)
      rack (>= 0.4)
    rack-oauth2 (1.0.7)
      activesupport (>= 2.3)
      attr_required (>= 0.0.5)
      httpclient (>= 2.2.0.2)
      multi_json (>= 1.3.6)
      rack (>= 1.1)
    rack-protection (1.5.1)
      rack
    rack-ssl (1.3.3)
      rack
    rack-test (0.6.2)
      rack (>= 1.0)
    railroady (1.1.1)
    rails (3.2.16)
      actionmailer (= 3.2.16)
      actionpack (= 3.2.16)
      activerecord (= 3.2.16)
      activeresource (= 3.2.16)
      activesupport (= 3.2.16)
      bundler (~> 1.0)
      railties (= 3.2.16)
    rails-footnotes (3.7.9)
      rails (>= 3.0.0)
    rails_autolink (1.0.9)
      rails (~> 3.1)
    railties (3.2.16)
      actionpack (= 3.2.16)
      activesupport (= 3.2.16)
      rack-ssl (~> 1.3.2)
      rake (>= 0.8.7)
      rdoc (~> 3.4)
      thor (>= 0.14.6, < 2.0)
    raindrops (0.12.0)
    rake (10.1.1)
    rb-fsevent (0.9.4)
    rb-inotify (0.9.3)
      ffi (>= 0.5.0)
    rdoc (3.12.2)
      json (~> 1.4)
    redis (3.0.6)
    redis-namespace (1.4.1)
      redis (~> 3.0.4)
    redis-objects (0.6.1)
      redis (>= 3.0.2)
    ref (1.0.5)
    resque (1.25.1)
      mono_logger (~> 1.0)
      multi_json (~> 1.0)
      redis-namespace (~> 1.2)
      sinatra (>= 0.9.2)
      vegas (~> 0.1.2)
    resque_spec (0.14.4)
      resque (>= 1.19.0)
      rspec-core (>= 2.5.0)
      rspec-expectations (>= 2.5.0)
      rspec-mocks (>= 2.5.0)
    rest-client (1.6.7)
      mime-types (>= 1.16)
    retryable-rb (1.1.0)
    rollout (2.0.0)
      redis
    rspec (2.14.1)
      rspec-core (~> 2.14.0)
      rspec-expectations (~> 2.14.0)
      rspec-mocks (~> 2.14.0)
    rspec-core (2.14.7)
    rspec-expectations (2.14.4)
      diff-lcs (>= 1.1.3, < 2.0)
    rspec-mocks (2.14.4)
    rspec-rails (2.14.1)
      actionpack (>= 3.0)
      activemodel (>= 3.0)
      activesupport (>= 3.0)
      railties (>= 3.0)
      rspec-core (~> 2.14.0)
      rspec-expectations (~> 2.14.0)
      rspec-mocks (~> 2.14.0)
    ruby-hmac (0.4.0)
    ruby-progressbar (1.4.0)
    ruby-rtf (0.0.1)
    safe_yaml (0.9.7)
    sass (3.2.13)
    sass-rails (3.2.6)
      railties (~> 3.2.0)
      sass (>= 3.1.10)
      tilt (~> 1.3)
    secure_headers (1.1.1)
    sidekiq (2.17.1)
      celluloid (>= 0.15.2)
      connection_pool (>= 1.0.0)
      json
      redis (>= 3.0.6)
      redis-namespace (>= 1.3.1)
    signet (0.4.5)
      addressable (>= 2.2.3)
      faraday (~> 0.8.1)
      jwt (>= 0.1.5)
      multi_json (>= 1.0.0)
    simplecov (0.8.2)
      docile (~> 1.1.0)
      multi_json
      simplecov-html (~> 0.8.0)
    simplecov-html (0.8.0)
    sinatra (1.4.4)
      rack (~> 1.4)
      rack-protection (~> 1.4)
      tilt (~> 1.3, >= 1.3.4)
    skinny (0.2.3)
      eventmachine (~> 1.0.0)
      thin (~> 1.5.0)
    slim (2.0.2)
      temple (~> 0.6.6)
      tilt (>= 1.3.3, < 2.1)
    slop (3.4.7)
    spork (1.0.0rc4)
    spork-rails (3.2.1)
      rails (>= 3.0.0, < 3.3.0)
      spork (>= 1.0rc0)
    sprockets (2.2.2)
      hike (~> 1.2)
      multi_json (~> 1.0)
      rack (~> 1.0)
      tilt (~> 1.1, != 1.3.0)
    sqlite3 (1.3.8)
    state_machine (1.2.0)
    temple (0.6.7)
    text (1.2.3)
    therubyracer (0.12.0)
      libv8 (~> 3.16.14.0)
      ref
    thin (1.5.1)
      daemons (>= 1.0.9)
      eventmachine (>= 0.12.6)
      rack (>= 1.0.0)
    thor (0.18.1)
    thread_safe (0.1.3)
      atomic
    tilt (1.4.1)
    timers (1.1.0)
    treetop (1.4.15)
      polyglot
      polyglot (>= 0.3.1)
    twitter_cldr (2.0.2)
      json (>= 1.1.9)
    typhoeus (0.6.7)
      ethon (~> 0.6.2)
    tzinfo (0.3.38)
    uglifier (1.3.0)
      execjs (>= 0.3.0)
      multi_json (~> 1.0, >= 1.0.2)
    unicorn (4.7.0)
      kgio (~> 2.6)
      rack
      raindrops (~> 0.7)
    uuidtools (2.1.4)
    vegas (0.1.11)
      rack (>= 1.0.0)
    versionist (1.1.0)
      rails (>= 3)
      yard (~> 0.7)
    virtus (0.5.5)
      backports (~> 3.3)
      descendants_tracker (~> 0.0.1)
    warden (1.2.3)
      rack (>= 1.0)
    webmock (1.9.3)
      addressable (>= 2.2.7)
      crack (>= 0.3.2)
    whenever (0.8.4)
      activesupport (>= 2.3.4)
      chronic (>= 0.6.3)
    wicked (0.3.4)
      activesupport (>= 3.0.7)
      rails (>= 3.0.7)
    will_paginate (3.0.5)
    xpath (2.0.0)
      nokogiri (~> 1.3)
    yard (0.8.7.3)

PLATFORMS
  ruby

DEPENDENCIES
  active_model_serializers
  acts-as-taggable-on (~> 2.3.3)
  airbrake
  assignable_values (~> 0.5.3)
  awesome_print
  bluepill
  cache_digests
  capybara
  carrierwave
  cloudinary
  coffee-rails (~> 3.2.1)
  country_select!
  dalli
  database_cleaner
  deadlock_retry (~> 1.2.0)
  devise (~> 2.1.0)
  display_case (= 0.0.5)
  emoji_spec!
  factory_girl_rails
  fb_graph (~> 2.6.0)
  fog (~> 1.12.0)
  font-awesome-rails
  fuubar
  gettext (~> 2.3.2)
  gettext_i18n_rails (~> 0.10.1)
  gibberish (~> 1.2.0)
  gibbon (~> 0.4.2)
  gmail!
  google-api-client
  google_contacts_api
  growl
  guard-rspec
  guard-spork
  iniparse (~> 1.1.6)
  jquery-rails (~> 2.1.4)
  jquery-ui-rails (~> 3.0.1)
  koala (~> 1.6.0)
  linkedin (~> 0.3.7)
  mailcatcher
  newrelic_rpm (~> 3.6.3)
  oauth!
  oj (~> 2.1.0)
  omniauth-cas (= 1.0.1)
  omniauth-facebook (~> 1.4.1)
  omniauth-google-oauth2 (~> 0.2.0)
  omniauth-linkedin (~> 0.0.8)
  omniauth-prayer-letters
  omniauth-twitter (~> 0.0.14)
  paper_trail (~> 2.7.0)
  pg (~> 0.14.1)
  quiet_assets
  railroady
  rails (~> 3.2.3)
  rails-footnotes
  rails_autolink (~> 1.0.9)
  rake
  rb-fsevent
  redis-namespace
  redis-objects (~> 0.6.1)
  resque_spec
  rest-client (~> 1.6.7)
  retryable-rb (~> 1.1.0)
  rollout (~> 2.0.0)
  rspec-rails
  ruby-rtf
  sass-rails (~> 3.2.3)
  secure_headers
  sidekiq (~> 2.17.0)
  sidekiq-failures!
  siebel_donations!
  simplecov
  sinatra
  slim
  spork-rails (~> 3.2.0)
  therubyracer
  twitter_cldr (~> 2.0.0)
  typhoeus (~> 0.6.3)
  uglifier (~> 1.3.0)
  unicorn
  versionist (~> 1.1.0)
  virtus (~> 0.5.4)
  webmock (~> 1.9.0)
  whenever (~> 0.8.1)
  wicked (~> 0.3.4)
  will_paginate (~> 3.0.3)
