GIT
  remote: git://github.com/26am/country_select.git
  revision: ef88f232d13bc16a9d7b45e13271d98e27371933
  specs:
    country_select (0.0.1)

GIT
  remote: git://github.com/mbleigh/acts-as-taggable-on.git
  revision: d9b66b70e90352605e6f767e7c2b7a8859050655
  specs:
    acts-as-taggable-on (2.3.1)
      rails (~> 3.0)

GIT
  remote: git://github.com/twinge/carrierwave.git
  revision: d91ad986f3a8579e62290be3e6974c5c070b1791
  specs:
    carrierwave (0.6.2)
      activemodel (>= 3.2.0)
      activesupport (>= 3.2.0)

GIT
  remote: git://github.com/twinge/linkedin.git
  revision: 362adaef763b28795200d098115b8ff944627037
  specs:
    linkedin (0.3.6)
      hashie (~> 1.2.0)
      multi_json (~> 1.3.4)
      oauth (~> 0.4.5)

GEM
  remote: http://rubygems.org/
  specs:
    actionmailer (3.2.3)
      actionpack (= 3.2.3)
      mail (~> 2.4.4)
    actionpack (3.2.3)
      activemodel (= 3.2.3)
      activesupport (= 3.2.3)
      builder (~> 3.0.0)
      erubis (~> 2.7.0)
      journey (~> 1.0.1)
      rack (~> 1.4.0)
      rack-cache (~> 1.2)
      rack-test (~> 0.6.1)
      sprockets (~> 2.1.2)
    activemodel (3.2.3)
      activesupport (= 3.2.3)
      builder (~> 3.0.0)
    activerecord (3.2.3)
      activemodel (= 3.2.3)
      activesupport (= 3.2.3)
      arel (~> 3.0.2)
      tzinfo (~> 0.3.29)
    activerecord-jdbc-adapter (1.2.2)
    activerecord-jdbcmysql-adapter (1.2.2)
      activerecord-jdbc-adapter (~> 1.2.2)
      jdbc-mysql (~> 5.1.0)
    activeresource (3.2.3)
      activemodel (= 3.2.3)
      activesupport (= 3.2.3)
    activesupport (3.2.3)
      i18n (~> 0.6)
      multi_json (~> 1.0)
    addressable (2.2.8)
    airbrake (3.1.0)
      activesupport
      builder
    arel (3.0.2)
    assignable_values (0.1.2)
    attr_required (0.0.5)
    awesome_print (1.0.2)
    bcrypt-ruby (3.0.1)
    bcrypt-ruby (3.0.1-java)
    bouncy-castle-java (1.5.0146.1)
    builder (3.0.0)
    charlock_holmes (0.6.8)
    coffee-rails (3.2.2)
      coffee-script (>= 2.2.0)
      railties (~> 3.2.0)
    coffee-script (2.2.0)
      coffee-script-source
      execjs
    coffee-script-source (1.3.3)
    crack (0.3.1)
    dalli (2.0.5)
    database_cleaner (0.8.0)
    deadlock_retry (1.2.0)
    devise (2.0.4)
      bcrypt-ruby (~> 3.0)
      orm_adapter (~> 0.0.3)
      railties (~> 3.1)
      warden (~> 1.1.1)
    diff-lcs (1.1.3)
    erubis (2.7.0)
    excon (0.13.4)
    execjs (1.4.0)
      multi_json (~> 1.0)
    factory_girl (3.3.0)
      activesupport (>= 3.0.0)
    factory_girl_rails (3.3.0)
      factory_girl (~> 3.3.0)
      railties (>= 3.0.0)
    faraday (0.8.1)
      multipart-post (~> 1.1)
    fast_gettext (0.6.7)
    fb_graph (2.4.16)
      httpclient (>= 2.2.0.2)
      rack-oauth2 (>= 0.14.4)
      tzinfo
    ffi (1.0.11)
    ffi (1.0.11-java)
    fog (1.3.1)
      builder
      excon (~> 0.13.0)
      formatador (~> 0.2.0)
      mime-types
      multi_json (~> 1.0)
      net-scp (~> 1.0.4)
      net-ssh (>= 2.1.3)
      nokogiri (~> 1.5.0)
      ruby-hmac
    formatador (0.2.3)
    gettext (2.2.1)
      locale
    gettext_i18n_rails (0.6.1)
      fast_gettext
    gibberish (1.2.0)
    growl (1.0.3)
    guard (1.1.1)
      listen (>= 0.4.2)
      thor (>= 0.14.6)
    guard-rspec (1.0.0)
      guard (>= 1.1)
    guard-spork (1.0.0)
      guard (>= 1.0.0)
      spork (>= 0.8.4)
    hashie (1.2.0)
    hike (1.2.1)
    httpauth (0.1)
    httpclient (2.2.5)
    i18n (0.6.0)
    iniparse (1.1.5)
    jdbc-mysql (5.1.13)
    journey (1.0.3)
    jquery-rails (2.0.2)
      railties (>= 3.2.0, < 5.0)
      thor (~> 0.14)
    jruby-openssl (0.7.7)
      bouncy-castle-java (>= 1.5.0146.1)
    json (1.6.7)
    json (1.6.7-java)
    kgio (2.7.4)
    koala (1.5.0)
      faraday (~> 0.7)
      multi_json (~> 1.3)
    listen (0.4.2)
      rb-fchange (~> 0.0.5)
      rb-fsevent (~> 0.9.1)
      rb-inotify (~> 0.8.8)
    locale (2.0.5)
    mail (2.4.4)
      i18n (>= 0.4.0)
      mime-types (~> 1.16)
      treetop (~> 1.4.8)
    mime-types (1.18)
    multi_json (1.3.6)
    multipart-post (1.1.5)
    mysql2 (0.3.11)
    net-scp (1.0.4)
      net-ssh (>= 1.99.1)
    net-ssh (2.5.2)
    newrelic_rpm (3.3.5)
    nokogiri (1.5.3)
    nokogiri (1.5.3-java)
    oauth (0.4.6)
    oauth2 (0.6.1)
      faraday (~> 0.7)
      httpauth (~> 0.1)
      multi_json (~> 1.3)
    omniauth (1.1.0)
      hashie (~> 1.2)
      rack
    omniauth-cas (0.0.7)
      addressable (~> 2.2)
      nokogiri (~> 1.5)
      omniauth (~> 1.1.0)
    omniauth-facebook (1.3.0)
      omniauth-oauth2 (~> 1.0.2)
    omniauth-google-oauth2 (0.1.9)
      omniauth (~> 1.0)
      omniauth-oauth2
    omniauth-linkedin (0.0.6)
      omniauth-oauth (~> 1.0.0)
    omniauth-oauth (1.0.1)
      oauth
      omniauth (~> 1.0)
    omniauth-oauth2 (1.0.2)
      oauth2 (~> 0.6.0)
      omniauth (~> 1.0)
    omniauth-twitter (0.0.11)
      multi_json (~> 1.3)
      omniauth-oauth (~> 1.0)
    orm_adapter (0.0.7)
    polyglot (0.3.3)
    rack (1.4.1)
    rack-cache (1.2)
      rack (>= 0.4)
    rack-oauth2 (0.14.4)
      activesupport (>= 2.3)
      attr_required (>= 0.0.5)
      httpclient (>= 2.2.0.2)
      i18n
      json (>= 1.4.3)
      rack (>= 1.1)
    rack-protection (1.2.0)
      rack
    rack-ssl (1.3.2)
      rack
    rack-test (0.6.1)
      rack (>= 1.0)
    rails (3.2.3)
      actionmailer (= 3.2.3)
      actionpack (= 3.2.3)
      activerecord (= 3.2.3)
      activeresource (= 3.2.3)
      activesupport (= 3.2.3)
      bundler (~> 1.0)
      railties (= 3.2.3)
    rails-footnotes (3.7.8)
      rails (>= 3.0.0)
    railties (3.2.3)
      actionpack (= 3.2.3)
      activesupport (= 3.2.3)
      rack-ssl (~> 1.3.2)
      rake (>= 0.8.7)
      rdoc (~> 3.4)
      thor (~> 0.14.6)
    raindrops (0.9.0)
    rake (0.9.2.2)
    rb-fchange (0.0.5)
      ffi
    rb-fsevent (0.9.1)
    rb-inotify (0.8.8)
      ffi (>= 0.5.0)
    rdoc (3.12)
      json (~> 1.4)
    redis (2.2.2)
    redis-namespace (1.0.3)
      redis (< 3.0.0)
    redis-objects (0.5.2)
      redis (>= 2.1.1)
    resque (1.20.0)
      multi_json (~> 1.0)
      redis-namespace (~> 1.0.2)
      sinatra (>= 0.9.2)
      vegas (~> 0.1.2)
    resque-ensure-connected (0.2.0)
      activerecord (>= 2.3.5)
      resque (>= 1.10.0)
    resque-lock (1.0.0)
    resque-retry (0.2.2)
      rake
      resque (>= 1.8.0)
      resque-scheduler (>= 1.8.0)
    resque-scheduler (1.9.9)
      redis (>= 2.0.1)
      resque (>= 1.8.0)
      rufus-scheduler
    rest-client (1.6.7)
      mime-types (>= 1.16)
    rspec (2.10.0)
      rspec-core (~> 2.10.0)
      rspec-expectations (~> 2.10.0)
      rspec-mocks (~> 2.10.0)
    rspec-core (2.10.1)
    rspec-expectations (2.10.0)
      diff-lcs (~> 1.1.3)
    rspec-mocks (2.10.1)
    rspec-rails (2.10.1)
      actionpack (>= 3.0)
      activesupport (>= 3.0)
      railties (>= 3.0)
      rspec (~> 2.10.0)
    ruby-hmac (0.4.0)
    rufus-scheduler (2.0.16)
      tzinfo (>= 0.3.23)
    sass (3.1.19)
    sass-rails (3.2.5)
      railties (~> 3.2.0)
      sass (>= 3.1.10)
      tilt (~> 1.3)
    simplecov (0.6.4)
      multi_json (~> 1.0)
      simplecov-html (~> 0.5.3)
    simplecov-html (0.5.3)
    sinatra (1.3.2)
      rack (~> 1.3, >= 1.3.6)
      rack-protection (~> 1.2)
      tilt (~> 1.3, >= 1.3.3)
    spork (1.0.0rc3)
    spork-rails (3.2.0)
      rails (>= 3.0.0, < 3.3.0)
      spork (>= 1.0rc0)
    sprockets (2.1.3)
      hike (~> 1.2)
      rack (~> 1.0)
      tilt (~> 1.1, != 1.3.0)
    therubyrhino (1.73.4)
    thor (0.14.6)
    tilt (1.3.3)
    treetop (1.4.10)
      polyglot
      polyglot (>= 0.3.1)
    twitter_cldr (1.3.0)
      json (~> 1.6.6)
    typhoeus (0.3.3)
      mime-types
    tzinfo (0.3.33)
    uglifier (1.2.4)
      execjs (>= 0.3.0)
      multi_json (>= 1.0.2)
    unicorn (4.3.1)
      kgio (~> 2.6)
      rack
      raindrops (~> 0.7)
    vegas (0.1.11)
      rack (>= 1.0.0)
    versionist (0.2.0)
      rails (~> 3.0)
      yard (~> 0.7)
    warden (1.1.1)
      rack (>= 1.0)
    webmock (1.8.3)
      addressable (>= 2.2.7)
      crack (>= 0.1.7)
    wicked (0.1.6)
      activesupport (>= 3.0.7)
      rails (>= 3.0.7)
    will_paginate (3.0.3)
    yard (0.8.1)

PLATFORMS
  java
  ruby

DEPENDENCIES
  activerecord-jdbcmysql-adapter
  acts-as-taggable-on!
  airbrake
  assignable_values
  awesome_print
  carrierwave!
  charlock_holmes
  coffee-rails (~> 3.2.1)
  country_select!
  dalli
  database_cleaner
  deadlock_retry
  devise (~> 2.0.0)
  execjs
  factory_girl_rails
  fb_graph
  fog (~> 1.3.1)
  gettext (>= 1.9.3)
  gettext_i18n_rails
  gibberish
  growl
  guard-rspec
  guard-spork
  iniparse
  jquery-rails
  jruby-openssl
  koala
  linkedin!
  mysql2
  newrelic_rpm
  omniauth-cas (~> 0.0.6)
  omniauth-facebook
  omniauth-google-oauth2
  omniauth-linkedin
  omniauth-twitter
  rails (= 3.2.3)
  rails-footnotes
  rake
  rb-fsevent
  redis-objects
  resque
  resque-ensure-connected
  resque-lock
  resque-retry
  rest-client
  rspec-rails
  sass-rails (~> 3.2.3)
  simplecov
  spork-rails (~> 3.2.0)
  therubyrhino
  twitter_cldr
  typhoeus
  uglifier (>= 1.0.3)
  unicorn
  versionist
  webmock (= 1.8.3)
  wicked
  will_paginate (~> 3.0)
